{
"ConversionSoftware": "dcm2niix",
"ConversionSoftwareVersion": "v1.0.20170314",
"EchoTime": 0.0027,
"FlipAngle": 12,
"ImageType": [
"ORIGINAL",
"PRIMARY",
"OTHER"
],
"MagneticFieldStrength": 3,
"Manufacturer": "GE",
"ManufacturersModelName": "Signa_HDxt",
"ProcedureStepDescription": "MRI_Procedure_Limited",
"ProtocolName": "MPRage2:_Full_Brain_T1",
"RepetitionTime": 0.00724,
"dcmmeta_affine": [
[
0.9375,
0.0,
0.0,
-116.25050354003906
],
[
0.0,
0.9375,
0.0,
-96.85150146484375
],
[
0.0,
0.0,
1.2000000476837158,
-42.3390007019043
],
[
0.0,
0.0,
0.0,
1.0
]
],
"dcmmeta_reorient_transform": [
[
0.0,
-1.0,
0.0,
255.0
],
[
-1.0,
0.0,
0.0,
255.0
],
[
0.0,
0.0,
-1.0,
123.0
],
[
0.0,
0.0,
0.0,
1.0
]
],
"dcmmeta_shape": [
256,
256,
124
],
"dcmmeta_slice_dim": 2,
"dcmmeta_version": 0.6,
"global": {
"const": {
"AcquisitionMatrix": [
0,
224,
224,
0
],
"AcquisitionNumber": 1,
"AngioFlag": "N",
"BitsAllocated": 16,
"BitsStored": 16,
"CardiacNumberOfImages": 0,
"Columns": 256,
"EchoNumbers": 1,
"EchoTime": 2.7,
"EchoTrainLength": 1,
"FlipAngle": 12.0,
"HeartRate": 0,
"HighBit": 15,
"ImageOrientationPatient": [
1.0,
-0.0,
0.0,
-0.0,
1.0,
0.0
],
"ImageType": [
"ORIGINAL",
"PRIMARY",
"OTHER"
],
"ImagedNucleus": "1H",
"ImagesInAcquisition": 124,
"ImagingFrequency": 127.756283,
"InPlanePhaseEncodingDirection": "ROW",
"InversionTime": 725.0,
"MRAcquisitionType": "3D",
"MagneticFieldStrength": 3.0,
"Manufacturer": "GE MEDICAL SYSTEMS",
"ManufacturerModelName": "Signa HDxt",
"Modality": "MR",
"NumberOfAverages": 1.0,
"PercentPhaseFieldOfView": 80.0,
"PercentSampling": 100.0,
"PhotometricInterpretation": "MONOCHROME2",
"PixelBandwidth": 244.141,
"PixelRepresentation": 1,
"PixelSpacing": [
0.9375,
0.9375
],
"PositionReferenceIndicator": "",
"ProtocolName": "JGC_BOLDEXTENT_TR2/3",
"ReceiveCoilName": "8HRBRAIN",
"ReconstructionDiameter": 240.0,
"ReferencedPerformedProcedureStepSequence": [
{
"ReferencedSOPClassUID": "Modality Performed Procedure Step SOP Class",
"ReferencedSOPInstanceUID": "1.2.840.113619.2.244.3596.11880296.1661.1285843784.96"
}
],
"RepetitionTime": 7.24,
"Rows": 256,
"SAR": 0.196312,
"SamplesPerPixel": 1,
"ScanOptions": "ACC_GEMS",
"ScanningSequence": "RM",
"SequenceVariant": "NONE",
"SeriesDescription": "MPRage2: Full Brain T1",
"SeriesNumber": 3,
"SliceThickness": 1.2,
"SmallestImagePixelValue": 0,
"SoftwareVersions": [
"15",
"LX",
"MR Software release:15.0_M4_0910.a"
],
"SpacingBetweenSlices": 1.2,
"SpecificCharacterSet": "ISO_IR 100",
"StackID": "1",
"TriggerWindow": 0,
"VariableFlipAngleFlag": "N"
},
