{
"ConversionSoftware": "dcm2niix",
"ConversionSoftwareVersion": "v1.0.20170314",
"EchoTime": 0.03,
"FlipAngle": 75,
"ImageType": [
"ORIGINAL",
"PRIMARY",
"EPI",
"NONE"
],
"MagneticFieldStrength": 3,
"Manufacturer": "GE",
"ManufacturersModelName": "Signa_HDxt",
"ProcedureStepDescription": "MRI_Procedure_Limited",
"ProtocolName": "Run_20",
"RepetitionTime": 2,
"TaskName": "checkerboard",
"dcmmeta_affine": [
[
-3.7319624423980713,
0.36198338866233826,
0.06400000303983688,
91.99504852294922
],
[
0.3672562539577484,
3.6925048828125,
0.5479999780654907,
-138.2838134765625
],
[
0.009270074777305126,
-0.544863760471344,
3.7595999240875244,
-22.57888412475586
],
[
0.0,
0.0,
0.0,
1.0
]
],
"dcmmeta_reorient_transform": [
[
0.0,
-1.0,
0.0,
63.0
],
[
1.0,
0.0,
0.0,
0.0
],
[
0.0,
0.0,
-1.0,
31.0
],
[
0.0,
0.0,
0.0,
1.0
]
],
"dcmmeta_shape": [
64,
64,
32,
2
],
"dcmmeta_slice_dim": 2,
"dcmmeta_version": 0.6,
"global": {
"const": {
"AcquisitionMatrix": [
0,
64,
64,
0
],
"AcquisitionNumber": 1,
"AngioFlag": "N",
"BitsAllocated": 16,
"BitsStored": 16,
"CardiacNumberOfImages": 0,
"Columns": 64,
"EchoNumbers": 1,
"EchoTime": 30.0,
"EchoTrainLength": 1,
"FlipAngle": 75.0,
"HeartRate": 0,
"HighBit": 15,
"ImageType": [
"ORIGINAL",
"PRIMARY",
"EPI",
"NONE"
],
"ImagedNucleus": "1H",
"ImagesInAcquisition": 32,
"ImagingFrequency": 127.756338,
"InPlanePhaseEncodingDirection": "ROW",
"InversionTime": 0.0,
"MRAcquisitionType": "2D",
"MagneticFieldStrength": 3.0,
"Manufacturer": "GE MEDICAL SYSTEMS",
"ManufacturerModelName": "Signa HDxt",
"Modality": "MR",
"NumberOfAverages": 1.0,
"NumberOfTemporalPositions": 170,
"PercentPhaseFieldOfView": 100.0,
"PercentSampling": 100.0,
"PhotometricInterpretation": "MONOCHROME2",
"PixelBandwidth": 7812.5,
"PixelRepresentation": 1,
"PixelSpacing": [
3.75,
3.75
],
"PositionReferenceIndicator": "",
"ProtocolName": "JGC_BOLDEXTENT_TR2/4",
"ReceiveCoilName": "nova16ch",
"ReconstructionDiameter": 240.0,
"ReferencedPerformedProcedureStepSequence": [
{
"ReferencedSOPClassUID": "Modality Performed Procedure Step SOP Class",
"ReferencedSOPInstanceUID": "1.2.840.113619.2.244.3596.11880296.1661.1285843783.987"
}
],
"RepetitionTime": 2000.0,
"Rows": 64,
"SAR": 0.487757,
"SamplesPerPixel": 1,
"ScanOptions": "EPI_GEMS",
"ScanningSequence": [
"EP",
"GR"
],
"SequenceVariant": "SS",
"SeriesDescription": "Run 20",
"SeriesNumber": 4,
"SliceThickness": 3.8,
"SmallestImagePixelValue": 0,
"SoftwareVersions": [
"15",
"LX",
"MR Software release:15.0_M4_0910.a"
],
"SpacingBetweenSlices": 3.8,
"SpecificCharacterSet": "ISO_IR 100",
"StackID": "1",
"TriggerWindow": 0,
"VariableFlipAngleFlag": "N"
},
"slices": {
"InstanceNumber": [
1,
2,
3,
4,
5,
6,
7,
8,
9,
10,
11,
12,
13,
14,
15,
16,
17,
18,
19,
20,
21,
22,
23,
24,
25,
26,
27,
28,
29,
30,
31,
32,
33,
34,
35,
36,
37,
38,
39,
40,
41,
42,
43,
44,
45,
46,
47,
48,
49,
50,
51,
52,
53,
54,
55,
56,
57,
58,
59,
60,
61,
62,
63,
64
],
"LargestImagePixelValue": [
2074,
1842,
2112,
2341,
3071,
3650,
4285,
4548,
5310,
4818,
5225,
5309,
5635,
4861,
5580,
6158,
7010,
5622,
6201,
5610,
5490,
5641,
5903,
5742,
5324,
4897,
4672,
4084,
3950,
2567,
1124,
459,
1689,
1581,
1642,
1864,
2244,
2943,
3321,
3725,
4109,
3905,
4021,
3943,
3910,
3480,
3938,
4253,
4546,
4029,
4226,
3803,
3955,
3945,
4061,
4137,
3732,
3406,
3280,
3078,
2898,
1822,
811,
399
],
"WindowCenter": [
1037.0,
921.0,
1056.0,
1170.0,
1535.0,
1825.0,
2142.0,
2274.0,
2655.0,
2409.0,
2612.0,
2654.0,
2817.0,
2430.0,
2790.0,
3079.0,
3505.0,
2811.0,
3100.0,
2805.0,
2745.0,
2820.0,
2951.0,
2871.0,
2662.0,
2448.0,
2336.0,
2042.0,
1975.0,
1283.0,
562.0,
229.0,
844.0,
790.0,
821.0,
932.0,
1122.0,
1471.0,
1660.0,
1862.0,
2054.0,
1952.0,
2010.0,
1971.0,
1955.0,
1740.0,
1969.0,
2126.0,
2273.0,
2014.0,
2113.0,
1901.0,
1977.0,
1972.0,
2030.0,
2068.0,
1866.0,
1703.0,
1640.0,
1539.0,
1449.0,
911.0,
405.0,
199.0
],
"WindowWidth": [
2074.0,
1842.0,
2112.0,
2341.0,
3071.0,
3650.0,
4285.0,
4548.0,
5310.0,
4818.0,
5225.0,
5309.0,
5635.0,
4861.0,
5580.0,
6158.0,
7010.0,
5622.0,
6201.0,
5610.0,
5490.0,
5641.0,
5903.0,
5742.0,
5324.0,
4897.0,
4672.0,
4084.0,
3950.0,
2567.0,
1124.0,
459.0,
1689.0,
1581.0,
1642.0,
1864.0,
2244.0,
2943.0,
3321.0,
3725.0,
4109.0,
3905.0,
4021.0,
3943.0,
3910.0,
3480.0,
3938.0,
4253.0,
4546.0,
4029.0,
4226.0,
3803.0,
3955.0,
3945.0,
4061.0,
4137.0,
3732.0,
3406.0,
3280.0,
3078.0,
2898.0,
1822.0,
811.0,
399.0
]
}
},
"time": {
"samples": {},
"slices": {
"ImageOrientationPatient": [
[
0.99519,
-0.097935,
0.00247202,
0.0965288,
0.984668,
0.145297
],
[
0.99519,
-0.097935,
0.00247202,
0.0965289,
0.984668,
0.145297
],
[
0.99519,
-0.097935,
0.00247203,
0.0965289,
0.984668,
0.145297
],
[
0.99519,
-0.097935,
0.00247203,
0.0965289,
0.984668,
0.145297
],
[
0.99519,
-0.097935,
0.00247202,
0.0965289,
0.984668,
0.145297
],
[
0.99519,
-0.097935,
0.00247202,
0.0965289,
0.984668,
0.145297
],
[
0.99519,
-0.097935,
0.00247203,
0.0965289,
0.984668,
0.145297
],
[
0.99519,
-0.097935,
0.00247202,
0.0965289,
0.984668,
0.145297
],
[
0.99519,
-0.097935,
0.00247202,
0.0965289,
0.984668,
0.145297
],
[
0.99519,
-0.097935,
0.00247202,
0.0965289,
0.984668,
0.145297
],
[
0.99519,
-0.097935,
0.00247202,
0.0965288,
0.984668,
0.145297
],
[
0.99519,
-0.097935,
0.00247202,
0.0965289,
0.984668,
0.145297
],
[
0.99519,
-0.097935,
0.00247202,
0.0965289,
0.984668,
0.145297
],
[
0.99519,
-0.097935,
0.00247202,
0.0965288,
0.984668,
0.145297
],
[
0.99519,
-0.097935,
0.00247202,
0.0965289,
0.984668,
0.145297
],
[
0.99519,
-0.097935,
0.00247202,
0.0965289,
0.984668,
0.145297
],
[
0.99519,
-0.0979351,
0.00247202,
0.0965288,
0.984668,
0.145297
],
[
0.99519,
-0.0979351,
0.00247202,
0.0965289,
0.984668,
0.145297
],
[
0.99519,
-0.0979351,
0.00247202,
0.0965289,
0.984668,
0.145297
],
[
0.99519,
-0.097935,
0.00247202,
0.0965289,
0.984668,
0.145297
],
[
0.99519,
-0.097935,
0.00247202,
0.0965289,
0.984668,
0.145297
],
[
0.99519,
-0.097935,
0.00247202,
0.0965289,
0.984668,
0.145297
],
[
0.99519,
-0.097935,
0.00247202,
0.0965289,
0.984668,
0.145297
],
[
0.99519,
-0.097935,
0.00247202,
0.0965288,
0.984668,
0.145297
],
[
0.99519,
-0.097935,
0.00247203,
0.0965289,
0.984668,
0.145297
],
[
0.99519,
-0.097935,
0.00247203,
0.0965289,
0.984668,
0.145297
],
[
0.99519,
-0.0979351,
0.00247203,
0.0965288,
0.984668,
0.145297
],
[
0.99519,
-0.0979351,
0.00247203,
0.0965289,
0.984668,
0.145297
],
[
0.99519,
-0.097935,
0.00247202,
0.0965289,
0.984668,
0.145297
],
[
0.99519,
-0.097935,
0.00247202,
0.0965288,
0.984668,
0.145297
],
[
0.99519,
-0.097935,
0.00247202,
0.0965289,
0.984668,
0.145297
],
[
0.99519,
-0.097935,
0.00247202,
0.0965289,
0.984668,
0.145297
]
],
"ImagePositionPatient": [
[
-114.821,
-94.3264,
-56.9071
],
[
-114.884,
-94.875,
-53.1475
],
[
-114.947,
-95.4236,
-49.3878
],
[
-115.011,
-95.9722,
-45.6282
],
[
-115.074,
-96.5208,
-41.8685
],
[
-115.137,
-97.0693,
-38.1088
],
[
-115.201,
-97.6179,
-34.3492
],
[
-115.264,
-98.1665,
-30.5895
],
[
-115.327,
-98.7151,
-26.8299
],
[
-115.391,
-99.2637,
-23.0702
],
[
-115.454,
-99.8123,
-19.3105
],
[
-115.517,
-100.361,
-15.5509
],
[
-115.581,
-100.909,
-11.7912
],
[
-115.644,
-101.458,
-8.03155
],
[
-115.707,
-102.007,
-4.27189
],
[
-115.77,
-102.555,
-0.51223
],
[
-115.834,
-103.104,
3.24743
],
[
-115.897,
-103.652,
7.00709
],
[
-115.96,
-104.201,
10.7668
],
[
-116.024,
-104.749,
14.5264
],
[
-116.087,
-105.298,
18.2861
],
[
-116.15,
-105.847,
22.0457
],
[
-116.214,
-106.395,
25.8054
],
[
-116.277,
-106.944,
29.5651
],
[
-116.34,
-107.492,
33.3247
],
[
-116.404,
-108.041,
37.0844
],
[
-116.467,
-108.59,
40.844
],
[
-116.53,
-109.138,
44.6037
],
[
-116.594,
-109.687,
48.3633
],
[
-116.657,
-110.235,
52.123
],
[
-116.72,
-110.784,
55.8827
],
[
-116.784,
-111.332,
59.6423
]
],
"InStackPositionNumber": [
1,
2,
3,
4,
5,
6,
7,
8,
9,
10,
11,
12,
13,
14,
15,
16,
17,
18,
19,
20,
21,
22,
23,
24,
25,
26,
27,
28,
29,
30,
31,
32
],
"SliceLocation": [
-39.45172882,
-35.69207001,
-31.93240929,
-28.17274857,
-24.41308784,
-20.65342712,
-16.8937664,
-13.13410568,
-9.374444962,
-5.614784241,
-1.855123639,
1.904536963,
5.664197445,
9.423857689,
13.18351841,
16.94317818,
20.7028389,
24.46249962,
28.22216034,
31.98182106,
35.74148178,
39.50114059,
43.26079941,
47.02045822,
50.78011703,
54.53977585,
58.29943466,
62.05909348,
65.8187561,
69.57841492,
73.33807373,
77.09773254
]
}
}
}