{
"ConversionSoftware": "dcm2niix",
"ConversionSoftwareVersion": "v1.0.20170314",
"EchoTime": 0.03,
"FlipAngle": 75,
"ImageType": [
"ORIGINAL",
"PRIMARY",
"EPI",
"NONE"
],
"MagneticFieldStrength": 3,
"Manufacturer": "GE",
"ManufacturersModelName": "Signa_HDxt",
"ProcedureStepDescription": "MRI_Procedure_Limited",
"ProtocolName": "Run_02",
"RepetitionTime": 2,
"TaskName": "checkerboard",
"dcmmeta_affine": [
[
-3.75,
0.0,
0.0,
117.01499938964844
],
[
0.0,
3.702641248703003,
0.6019999980926514,
-98.16239929199219
],
[
0.0,
-0.594086229801178,
3.752000093460083,
1.531233787536621
],
[
0.0,
0.0,
0.0,
1.0
]
],
"dcmmeta_reorient_transform": [
[
0.0,
-1.0,
0.0,
63.0
],
[
1.0,
0.0,
0.0,
0.0
],
[
0.0,
0.0,
-1.0,
31.0
],
[
0.0,
0.0,
0.0,
1.0
]
],
"dcmmeta_shape": [
64,
64,
32,
18
],
"dcmmeta_slice_dim": 2,
"dcmmeta_version": 0.6,
"global": {
"const": {
"AcquisitionMatrix": [
0,
64,
64,
0
],
"AcquisitionNumber": 1,
"AngioFlag": "N",
"BitsAllocated": 16,
"BitsStored": 16,
"CardiacNumberOfImages": 0,
"Columns": 64,
"EchoNumbers": 1,
"EchoTime": 30.0,
"EchoTrainLength": 1,
"FlipAngle": 75.0,
"HeartRate": 0,
"HighBit": 15,
"ImageOrientationPatient": [
1.0,
-0.0,
0.0,
-0.0,
0.987371,
0.158423
],
"ImageType": [
"ORIGINAL",
"PRIMARY",
"EPI",
"NONE"
],
"ImagedNucleus": "1H",
"ImagesInAcquisition": 32,
"ImagingFrequency": 127.756308,
"InPlanePhaseEncodingDirection": "ROW",
"InversionTime": 0.0,
"MRAcquisitionType": "2D",
"MagneticFieldStrength": 3.0,
"Manufacturer": "GE MEDICAL SYSTEMS",
"ManufacturerModelName": "Signa HDxt",
"Modality": "MR",
"NumberOfAverages": 1.0,
"NumberOfTemporalPositions": 170,
"PercentPhaseFieldOfView": 100.0,
"PercentSampling": 100.0,
"PhotometricInterpretation": "MONOCHROME2",
"PixelBandwidth": 7812.5,
"PixelRepresentation": 1,
"PixelSpacing": [
3.75,
3.75
],
"PositionReferenceIndicator": "",
"ProtocolName": "JGC_BOLDEXTENT_TR2/4",
"ReceiveCoilName": "8HRBRAIN",
"ReconstructionDiameter": 240.0,
"ReferencedPerformedProcedureStepSequence": [
{
"ReferencedSOPClassUID": "Modality Performed Procedure Step SOP Class",
"ReferencedSOPInstanceUID": "1.2.840.113619.2.244.3596.11880296.2007.1288867817.239"
}
],
"RepetitionTime": 2000.0,
"Rows": 64,
"SAR": 0.23096,
"SamplesPerPixel": 1,
"ScanOptions": "EPI_GEMS",
"ScanningSequence": [
"EP",
"GR"
],
"SequenceVariant": "SS",
"SeriesDescription": "Run 02",
"SeriesNumber": 4,
"SliceThickness": 3.8,
"SmallestImagePixelValue": 0,
"SoftwareVersions": [
"15",
"LX",
"MR Software release:15.0_M4A_0947.a"
],
"SpacingBetweenSlices": 3.8,
"SpecificCharacterSet": "ISO_IR 100",
"StackID": "1",
"TriggerWindow": 0,
"VariableFlipAngleFlag": "N"
},
