{
"ConversionSoftware": "dcm2niix",
"ConversionSoftwareVersion": "v1.0.20170314",
"EchoTime": 0.03,
"FlipAngle": 75,
"ImageType": [
"ORIGINAL",
"PRIMARY",
"EPI",
"NONE"
],
"MagneticFieldStrength": 3,
"Manufacturer": "GE",
"ManufacturersModelName": "Signa_HDxt",
"ProcedureStepDescription": "MRI_Procedure_Limited",
"ProtocolName": "Run04",
"RepetitionTime": 2,
"TaskName": "checkerboard",
"dcmmeta_affine": [
[
-3.75,
0.0,
0.0,
120.697998046875
],
[
0.0,
3.7460362911224365,
0.17499999701976776,
-122.18528747558594
],
[
0.0,
-0.17235524952411652,
3.7960000038146973,
-20.484718322753906
],
[
0.0,
0.0,
0.0,
1.0
]
],
"dcmmeta_reorient_transform": [
[
0.0,
-1.0,
0.0,
63.0
],
[
1.0,
0.0,
0.0,
0.0
],
[
0.0,
0.0,
-1.0,
31.0
],
[
0.0,
0.0,
0.0,
1.0
]
],
"dcmmeta_shape": [
64,
64,
32,
2
],
"dcmmeta_slice_dim": 2,
"dcmmeta_version": 0.6,
"global": {
"const": {
"AcquisitionMatrix": [
64,
0,
0,
64
],
"AcquisitionNumber": 1,
"AngioFlag": "N",
"BitsAllocated": 16,
"BitsStored": 16,
"CardiacNumberOfImages": 0,
"Columns": 64,
"EchoNumbers": 1,
"EchoTime": 30.0,
"EchoTrainLength": 1,
"FlipAngle": 75.0,
"HeartRate": 0,
"HighBit": 15,
"ImageOrientationPatient": [
1.0,
-0.0,
0.0,
-0.0,
0.998943,
0.0459614
],
"ImageType": [
"ORIGINAL",
"PRIMARY",
"EPI",
"NONE"
],
"ImagedNucleus": "1H",
"ImagesInAcquisition": 32,
"ImagingFrequency": 127.756292,
"InPlanePhaseEncodingDirection": "COL",
"InversionTime": 0.0,
"MRAcquisitionType": "2D",
"MagneticFieldStrength": 3.0,
"Manufacturer": "GE MEDICAL SYSTEMS",
"ManufacturerModelName": "Signa HDxt",
"Modality": "MR",
"NumberOfAverages": 1.0,
"NumberOfTemporalPositions": 170,
"PercentPhaseFieldOfView": 100.0,
"PercentSampling": 100.0,
"PhotometricInterpretation": "MONOCHROME2",
"PixelBandwidth": 7812.5,
"PixelRepresentation": 1,
"PixelSpacing": [
3.75,
3.75
],
"PositionReferenceIndicator": "",
"ProtocolName": "JGC_BOLDEXTENT_TR2/4",
"ReceiveCoilName": "nova16ch",
"ReconstructionDiameter": 240.0,
"ReferencedPerformedProcedureStepSequence": [
{
"ReferencedSOPClassUID": "Modality Performed Procedure Step SOP Class",
"ReferencedSOPInstanceUID": "1.2.840.113619.2.244.3596.11880296.21657.1296137889.26"
}
],
"RepetitionTime": 2000.0,
"Rows": 64,
"SAR": 0.493626,
"SamplesPerPixel": 1,
"ScanOptions": "EPI_GEMS",
"ScanningSequence": [
"EP",
"GR"
],
"SequenceVariant": "SS",
"SeriesDescription": "Run04",
"SeriesNumber": 6,
"SliceThickness": 3.8,
"SmallestImagePixelValue": 0,
"SoftwareVersions": [
"15",
"LX",
"MR Software release:15.0_M4A_0947.a"
],
"SpacingBetweenSlices": 3.8,
"SpecificCharacterSet": "ISO_IR 100",
"StackID": "1",
"TriggerWindow": 0,
"VariableFlipAngleFlag": "N"
},
"slices": {
"InstanceNumber": [
1,
2,
3,
4,
5,
6,
7,
8,
9,
10,
11,
12,
13,
14,
15,
16,
17,
18,
19,
20,
21,
22,
23,
24,
25,
26,
27,
28,
29,
30,
31,
32,
33,
34,
35,
36,
37,
38,
39,
40,
41,
42,
43,
44,
45,
46,
47,
48,
49,
50,
51,
52,
53,
54,
55,
56,
57,
58,
59,
60,
61,
62,
63,
64
],
"LargestImagePixelValue": [
1920,
2672,
3311,
3346,
4063,
4195,
4503,
4693,
4997,
5591,
4980,
4645,
5376,
4893,
5581,
5320,
5099,
4935,
4814,
4812,
5312,
5593,
5560,
4832,
5332,
4268,
4158,
3617,
3251,
1878,
553,
426,
1606,
2076,
2574,
2875,
3359,
3630,
3775,
4005,
4185,
4111,
4209,
4075,
4225,
4309,
4457,
4369,
4187,
4007,
4083,
3929,
4145,
4244,
4192,
3794,
4032,
3201,
3141,
2741,
2505,
1489,
518,
404
],
"WindowCenter": [
960.0,
1336.0,
1655.0,
1673.0,
2031.0,
2097.0,
2251.0,
2346.0,
2498.0,
2795.0,
2490.0,
2322.0,
2688.0,
2446.0,
2790.0,
2660.0,
2549.0,
2467.0,
2407.0,
2406.0,
2656.0,
2796.0,
2780.0,
2416.0,
2666.0,
2134.0,
2079.0,
1808.0,
1625.0,
939.0,
276.0,
213.0,
803.0,
1038.0,
1287.0,
1437.0,
1679.0,
1815.0,
1887.0,
2002.0,
2092.0,
2055.0,
2104.0,
2037.0,
2112.0,
2154.0,
2228.0,
2184.0,
2093.0,
2003.0,
2041.0,
1964.0,
2072.0,
2122.0,
2096.0,
1897.0,
2016.0,
1600.0,
1570.0,
1370.0,
1252.0,
744.0,
259.0,
202.0
],
"WindowWidth": [
1920.0,
2672.0,
3311.0,
3346.0,
4063.0,
4195.0,
4503.0,
4693.0,
4997.0,
5591.0,
4980.0,
4645.0,
5376.0,
4893.0,
5581.0,
5320.0,
5099.0,
4935.0,
4814.0,
4812.0,
5312.0,
5593.0,
5560.0,
4832.0,
5332.0,
4268.0,
4158.0,
3617.0,
3251.0,
1878.0,
553.0,
426.0,
1606.0,
2076.0,
2574.0,
2875.0,
3359.0,
3630.0,
3775.0,
4005.0,
4185.0,
4111.0,
4209.0,
4075.0,
4225.0,
4309.0,
4457.0,
4369.0,
4187.0,
4007.0,
4083.0,
3929.0,
4145.0,
4244.0,
4192.0,
3794.0,
4032.0,
3201.0,
3141.0,
2741.0,
2505.0,
1489.0,
518.0,
404.0
]
}
},
"time": {
"samples": {},
"slices": {
"ImagePositionPatient": [
[
-120.698,
-113.825,
-31.3426
],
[
-120.698,
-113.999,
-27.5466
],
[
-120.698,
-114.174,
-23.7506
],
[
-120.698,
-114.349,
-19.9546
],
[
-120.698,
-114.523,
-16.1587
],
[
-120.698,
-114.698,
-12.3627
],
[
-120.698,
-114.873,
-8.56668
],
[
-120.698,
-115.047,
-4.7707
],
[
-120.698,
-115.222,
-0.974719
],
[
-120.698,
-115.397,
2.82126
],
[
-120.698,
-115.571,
6.61725
],
[
-120.698,
-115.746,
10.4132
],
[
-120.698,
-115.921,
14.2092
],
[
-120.698,
-116.095,
18.0052
],
[
-120.698,
-116.27,
21.8012
],
[
-120.698,
-116.445,
25.5972
],
[
-120.698,
-116.619,
29.3932
],
[
-120.698,
-116.794,
33.1891
],
[
-120.698,
-116.969,
36.9851
],
[
-120.698,
-117.143,
40.7811
],
[
-120.698,
-117.318,
44.5771
],
[
-120.698,
-117.493,
48.3731
],
[
-120.698,
-117.667,
52.169
],
[
-120.698,
-117.842,
55.965
],
[
-120.698,
-118.017,
59.761
],
[
-120.698,
-118.191,
63.557
],
[
-120.698,
-118.366,
67.353
],
[
-120.698,
-118.541,
71.149
],
[
-120.698,
-118.715,
74.9449
],
[
-120.698,
-118.89,
78.7409
],
[
-120.698,
-119.065,
82.5369
],
[
-120.698,
-119.24,
86.3329
]
],
"InStackPositionNumber": [
1,
2,
3,
4,
5,
6,
7,
8,
9,
10,
11,
12,
13,
14,
15,
16,
17,
18,
19,
20,
21,
22,
23,
24,
25,
26,
27,
28,
29,
30,
31,
32
],
"SliceLocation": [
-25.91345978,
-22.11747551,
-18.32149124,
-14.52550793,
-10.72952461,
-6.933541298,
-3.137557983,
0.6584253907,
4.454408646,
8.25039196,
12.04637527,
15.84235859,
19.6383419,
23.43432617,
27.23031044,
31.02629471,
34.82227707,
38.61825943,
42.41424179,
46.21022415,
50.00620651,
53.80218887,
57.59817123,
61.39415359,
65.19013977,
68.98612213,
72.78210449,
76.57808685,
80.37406921,
84.17005157,
87.96603394,
91.7620163
]
}
}
}