{
"ConversionSoftware": "dcm2niix",
"ConversionSoftwareVersion": "v1.0.20170314",
"EchoTime": 0.03,
"FlipAngle": 75,
"ImageType": [
"ORIGINAL",
"PRIMARY",
"EPI",
"NONE"
],
"MagneticFieldStrength": 3,
"Manufacturer": "GE",
"ManufacturersModelName": "Signa_HDxt",
"ProcedureStepDescription": "MRI_Procedure_Limited",
"ProtocolName": "Rest",
"RepetitionTime": 2,
"TaskName": "rest",
"dcmmeta_affine": [
[
-3.739919900894165,
0.27420562505722046,
0.017000000923871994,
106.3480453491211
],
[
0.2747805118560791,
3.732787609100342,
0.23399999737739563,
-130.599609375
],
[
0.0,
-0.23151825368404388,
3.7927000522613525,
-17.837350845336914
],
[
0.0,
0.0,
0.0,
1.0
]
],
"dcmmeta_reorient_transform": [
[
0.0,
-1.0,
0.0,
63.0
],
[
1.0,
0.0,
0.0,
0.0
],
[
0.0,
0.0,
-1.0,
31.0
],
[
0.0,
0.0,
0.0,
1.0
]
],
"dcmmeta_shape": [
64,
64,
32,
43
],
"dcmmeta_slice_dim": 2,
"dcmmeta_version": 0.6,
"global": {
"const": {
"AcquisitionMatrix": [
64,
0,
0,
64
],
"AcquisitionNumber": 1,
"AngioFlag": "N",
"BitsAllocated": 16,
"BitsStored": 16,
"CardiacNumberOfImages": 0,
"Columns": 64,
"EchoNumbers": 1,
"EchoTime": 30.0,
"EchoTrainLength": 1,
"FlipAngle": 75.0,
"HeartRate": 0,
"HighBit": 15,
"ImageType": [
"ORIGINAL",
"PRIMARY",
"EPI",
"NONE"
],
"ImagedNucleus": "1H",
"ImagesInAcquisition": 32,
"ImagingFrequency": 127.756315,
"InPlanePhaseEncodingDirection": "COL",
"InversionTime": 0.0,
"MRAcquisitionType": "2D",
"MagneticFieldStrength": 3.0,
"Manufacturer": "GE MEDICAL SYSTEMS",
"ManufacturerModelName": "Signa HDxt",
"Modality": "MR",
"NumberOfAverages": 1.0,
"NumberOfTemporalPositions": 170,
"PercentPhaseFieldOfView": 100.0,
"PercentSampling": 100.0,
"PhotometricInterpretation": "MONOCHROME2",
"PixelBandwidth": 7812.5,
"PixelRepresentation": 1,
"PixelSpacing": [
3.75,
3.75
],
"PositionReferenceIndicator": "",
"ProtocolName": "JGC_BOLDEXTENT_TR2/4",
"ReceiveCoilName": "nova16ch",
"ReconstructionDiameter": 240.0,
"ReferencedPerformedProcedureStepSequence": [
{
"ReferencedSOPClassUID": "Modality Performed Procedure Step SOP Class",
"ReferencedSOPInstanceUID": "1.2.840.113619.2.244.3596.11880296.1467.1296733013.313"
}
],
"RepetitionTime": 2000.0,
"Rows": 64,
"SAR": 0.493626,
"SamplesPerPixel": 1,
"ScanOptions": "EPI_GEMS",
"ScanningSequence": [
"EP",
"GR"
],
"SequenceVariant": "SS",
"SeriesDescription": "Rest",
"SeriesNumber": 4,
"SliceThickness": 3.8,
"SmallestImagePixelValue": 0,
"SoftwareVersions": [
"15",
"LX",
"MR Software release:15.0_M4A_0947.a"
],
"SpacingBetweenSlices": 3.8,
"SpecificCharacterSet": "ISO_IR 100",
"StackID": "1",
"TriggerWindow": 0,
"VariableFlipAngleFlag": "N"
},
