{
"ConversionSoftware": "dcm2niix",
"ConversionSoftwareVersion": "v1.0.20170314",
"EchoTime": 0.03,
"FlipAngle": 75,
"ImageType": [
"ORIGINAL",
"PRIMARY",
"EPI",
"NONE"
],
"MagneticFieldStrength": 3,
"Manufacturer": "GE",
"ManufacturersModelName": "Signa_HDxt",
"ProcedureStepDescription": "MRI_Procedure_Limited",
"ProtocolName": "Run_13",
"RepetitionTime": 2,
"TaskName": "checkerboard",
"dcmmeta_affine": [
[
-3.75,
0.0,
0.0,
122.13700103759766
],
[
0.0,
3.695460081100464,
0.6460000276565552,
-101.54998016357422
],
[
0.0,
-0.6372337341308594,
3.7446999549865723,
-5.776773929595947
],
[
0.0,
0.0,
0.0,
1.0
]
],
"dcmmeta_reorient_transform": [
[
0.0,
-1.0,
0.0,
63.0
],
[
1.0,
0.0,
0.0,
0.0
],
[
0.0,
0.0,
-1.0,
31.0
],
[
0.0,
0.0,
0.0,
1.0
]
],
"dcmmeta_shape": [
64,
64,
32,
7
],
"dcmmeta_slice_dim": 2,
"dcmmeta_version": 0.6,
"global": {
"const": {
"AcquisitionMatrix": [
64,
0,
0,
64
],
"AcquisitionNumber": 1,
"AngioFlag": "N",
"BitsAllocated": 16,
"BitsStored": 16,
"CardiacNumberOfImages": 0,
"Columns": 64,
"EchoNumbers": 1,
"EchoTime": 30.0,
"EchoTrainLength": 1,
"FlipAngle": 75.0,
"HeartRate": 0,
"HighBit": 15,
"ImageOrientationPatient": [
1.0,
-0.0,
0.0,
-0.0,
0.985456,
0.169929
],
"ImageType": [
"ORIGINAL",
"PRIMARY",
"EPI",
"NONE"
],
"ImagedNucleus": "1H",
"ImagesInAcquisition": 32,
"ImagingFrequency": 127.756378,
"InPlanePhaseEncodingDirection": "COL",
"InversionTime": 0.0,
"MRAcquisitionType": "2D",
"MagneticFieldStrength": 3.0,
"Manufacturer": "GE MEDICAL SYSTEMS",
"ManufacturerModelName": "Signa HDxt",
"Modality": "MR",
"NumberOfAverages": 1.0,
"NumberOfTemporalPositions": 170,
"PercentPhaseFieldOfView": 100.0,
"PercentSampling": 100.0,
"PhotometricInterpretation": "MONOCHROME2",
"PixelBandwidth": 7812.5,
"PixelRepresentation": 1,
"PixelSpacing": [
3.75,
3.75
],
"PositionReferenceIndicator": "",
"ProtocolName": "JGC_BOLDEXTENT_TR2/4",
"ReceiveCoilName": "8HRBRAIN",
"ReconstructionDiameter": 240.0,
"ReferencedPerformedProcedureStepSequence": [
{
"ReferencedSOPClassUID": "Modality Performed Procedure Step SOP Class",
"ReferencedSOPInstanceUID": "1.2.840.113619.2.244.3596.11880296.4935.1295523761.396"
}
],
"RepetitionTime": 2000.0,
"Rows": 64,
"SAR": 0.23878,
"SamplesPerPixel": 1,
"ScanOptions": "EPI_GEMS",
"ScanningSequence": [
"EP",
"GR"
],
"SequenceVariant": "SS",
"SeriesDescription": "Run 13",
"SeriesNumber": 4,
"SliceThickness": 3.8,
"SmallestImagePixelValue": 0,
"SoftwareVersions": [
"15",
"LX",
"MR Software release:15.0_M4A_0947.a"
],
"SpacingBetweenSlices": 3.8,
"SpecificCharacterSet": "ISO_IR 100",
"StackID": "1",
"TriggerWindow": 0,
"VariableFlipAngleFlag": "N"
},
"slices": {
"InstanceNumber": [
32,
31,
30,
29,
28,
27,
26,
25,
24,
23,
22,
21,
20,
19,
18,
17,
16,
15,
14,
13,
12,
11,
10,
9,
8,
7,
6,
5,
4,
3,
2,
1,
64,
63,
62,
61,
60,
59,
58,
57,
56,
55,
54,
53,
52,
51,
50,
49,
48,
47,
46,
45,
44,
43,
42,
41,
40,
39,
38,
37,
36,
35,
34,
33,
96,
95,
94,
93,
92,
91,
90,
89,
88,
87,
86,
85,
84,
83,
82,
81,
80,
79,
78,
77,
76,
75,
74,
73,
72,
71,
70,
69,
68,
67,
66,
65,
128,
127,
126,
125,
124,
123,
122,
121,
120,
119,
118,
117,
116,
115,
114,
113,
112,
111,
110,
109,
108,
107,
106,
105,
104,
103,
102,
101,
100,
99,
98,
97,
160,
159,
158,
157,
156,
155,
154,
153,
152,
151,
150,
149,
148,
147,
146,
145,
144,
143,
142,
141,
140,
139,
138,
137,
136,
135,
134,
133,
132,
131,
130,
129,
192,
191,
190,
189,
188,
187,
186,
185,
184,
183,
182,
181,
180,
179,
178,
177,
176,
175,
174,
173,
172,
171,
170,
169,
168,
167,
166,
165,
164,
163,
162,
161,
224,
223,
222,
221,
220,
219,
218,
217,
216,
215,
214,
213,
212,
211,
210,
209,
208,
207,
206,
205,
204,
203,
202,
201,
200,
199,
198,
197,
196,
195,
194,
193
],
"LargestImagePixelValue": [
6760,
7054,
6665,
8027,
6508,
6279,
6170,
7848,
7017,
9428,
8967,
10509,
7614,
9431,
8444,
9246,
8072,
8859,
9186,
9513,
9507,
8516,
8579,
7773,
7546,
7882,
8091,
6737,
6620,
3418,
726,
678,
3810,
3413,
3933,
4037,
4430,
4703,
4723,
4787,
5033,
5061,
5119,
5044,
5232,
5305,
5119,
5831,
5484,
6368,
6635,
6371,
6562,
6297,
6467,
5628,
5408,
5395,
5624,
4899,
4443,
2230,
536,
639,
4245,
3365,
3903,
4021,
4425,
4615,
4594,
4683,
4853,
4873,
4975,
4926,
5078,
5160,
5079,
5500,
5361,
5610,
5849,
5857,
5840,
5616,
5937,
5247,
5034,
4845,
4994,
4466,
3924,
2043,
526,
523,
4008,
3338,
3847,
4012,
4377,
4617,
4598,
4669,
4784,
4853,
4966,
4892,
5043,
5109,
4972,
5343,
5329,
5393,
5721,
5756,
5582,
5507,
5807,
5186,
5054,
4802,
4836,
4277,
3821,
1927,
507,
512,
4957,
3377,
3847,
3949,
4446,
4525,
4569,
4707,
4758,
4798,
4941,
4872,
5064,
5120,
5094,
5318,
5318,
5340,
5682,
5731,
5502,
5493,
5769,
5193,
5002,
4794,
4711,
4238,
3824,
1884,
470,
498,
4562,
3324,
3806,
3953,
4440,
4513,
4609,
4661,
4755,
4812,
4963,
4846,
5063,
5125,
5110,
5358,
5307,
5228,
5615,
5674,
5473,
5430,
5750,
5155,
4969,
4738,
4730,
4266,
3809,
1875,
481,
519,
3822,
3352,
3777,
3928,
4341,
4479,
4635,
4639,
4765,
4795,
4981,
4857,
5049,
5130,
5004,
5349,
5240,
5214,
5600,
5591,
5480,
5472,
5701,
5151,
5016,
4696,
4696,
4248,
3791,
1863,
487,
527
],
"WindowCenter": [
3380.0,
3527.0,
3332.0,
4013.0,
3254.0,
3139.0,
3085.0,
3924.0,
3508.0,
4714.0,
4483.0,
5254.0,
3807.0,
4715.0,
4222.0,
4623.0,
4036.0,
4429.0,
4593.0,
4756.0,
4753.0,
4258.0,
4289.0,
3886.0,
3773.0,
3941.0,
4045.0,
3368.0,
3310.0,
1709.0,
363.0,
339.0,
1905.0,
1706.0,
1966.0,
2018.0,
2215.0,
2351.0,
2361.0,
2393.0,
2516.0,
2530.0,
2559.0,
2522.0,
2616.0,
2652.0,
2559.0,
2915.0,
2742.0,
3184.0,
3317.0,
3185.0,
3281.0,
3148.0,
3233.0,
2814.0,
2704.0,
2697.0,
2812.0,
2449.0,
2221.0,
1115.0,
268.0,
319.0,
2122.0,
1682.0,
1951.0,
2010.0,
2212.0,
2307.0,
2297.0,
2341.0,
2426.0,
2436.0,
2487.0,
2463.0,
2539.0,
2580.0,
2539.0,
2750.0,
2680.0,
2805.0,
2924.0,
2928.0,
2920.0,
2808.0,
2968.0,
2623.0,
2517.0,
2422.0,
2497.0,
2233.0,
1962.0,
1021.0,
263.0,
261.0,
2004.0,
1669.0,
1923.0,
2006.0,
2188.0,
2308.0,
2299.0,
2334.0,
2392.0,
2426.0,
2483.0,
2446.0,
2521.0,
2554.0,
2486.0,
2671.0,
2664.0,
2696.0,
2860.0,
2878.0,
2791.0,
2753.0,
2903.0,
2593.0,
2527.0,
2401.0,
2418.0,
2138.0,
1910.0,
963.0,
253.0,
256.0,
2478.0,
1688.0,
1923.0,
1974.0,
2223.0,
2262.0,
2284.0,
2353.0,
2379.0,
2399.0,
2470.0,
2436.0,
2532.0,
2560.0,
2547.0,
2659.0,
2659.0,
2670.0,
2841.0,
2865.0,
2751.0,
2746.0,
2884.0,
2596.0,
2501.0,
2397.0,
2355.0,
2119.0,
1912.0,
942.0,
235.0,
249.0,
2281.0,
1662.0,
1903.0,
1976.0,
2220.0,
2256.0,
2304.0,
2330.0,
2377.0,
2406.0,
2481.0,
2423.0,
2531.0,
2562.0,
2555.0,
2679.0,
2653.0,
2614.0,
2807.0,
2837.0,
2736.0,
2715.0,
2875.0,
2577.0,
2484.0,
2369.0,
2365.0,
2133.0,
1904.0,
937.0,
240.0,
259.0,
1911.0,
1676.0,
1888.0,
1964.0,
2170.0,
2239.0,
2317.0,
2319.0,
2382.0,
2397.0,
2490.0,
2428.0,
2524.0,
2565.0,
2502.0,
2674.0,
2620.0,
2607.0,
2800.0,
2795.0,
2740.0,
2736.0,
2850.0,
2575.0,
2508.0,
2348.0,
2348.0,
2124.0,
1895.0,
931.0,
243.0,
263.0
],
"WindowWidth": [
6760.0,
7054.0,
6665.0,
8027.0,
6508.0,
6279.0,
6170.0,
7848.0,
7017.0,
9428.0,
8967.0,
10509.0,
7614.0,
9431.0,
8444.0,
9246.0,
8072.0,
8859.0,
9186.0,
9513.0,
9507.0,
8516.0,
8579.0,
7773.0,
7546.0,
7882.0,
8091.0,
6737.0,
6620.0,
3418.0,
726.0,
678.0,
3810.0,
3413.0,
3933.0,
4037.0,
4430.0,
4703.0,
4723.0,
4787.0,
5033.0,
5061.0,
5119.0,
5044.0,
5232.0,
5305.0,
5119.0,
5831.0,
5484.0,
6368.0,
6635.0,
6371.0,
6562.0,
6297.0,
6467.0,
5628.0,
5408.0,
5395.0,
5624.0,
4899.0,
4443.0,
2230.0,
536.0,
639.0,
4245.0,
3365.0,
3903.0,
4021.0,
4425.0,
4615.0,
4594.0,
4683.0,
4853.0,
4873.0,
4975.0,
4926.0,
5078.0,
5160.0,
5079.0,
5500.0,
5361.0,
5610.0,
5849.0,
5857.0,
5840.0,
5616.0,
5937.0,
5247.0,
5034.0,
4845.0,
4994.0,
4466.0,
3924.0,
2043.0,
526.0,
523.0,
4008.0,
3338.0,
3847.0,
4012.0,
4377.0,
4617.0,
4598.0,
4669.0,
4784.0,
4853.0,
4966.0,
4892.0,
5043.0,
5109.0,
4972.0,
5343.0,
5329.0,
5393.0,
5721.0,
5756.0,
5582.0,
5507.0,
5807.0,
5186.0,
5054.0,
4802.0,
4836.0,
4277.0,
3821.0,
1927.0,
507.0,
512.0,
4957.0,
3377.0,
3847.0,
3949.0,
4446.0,
4525.0,
4569.0,
4707.0,
4758.0,
4798.0,
4941.0,
4872.0,
5064.0,
5120.0,
5094.0,
5318.0,
5318.0,
5340.0,
5682.0,
5731.0,
5502.0,
5493.0,
5769.0,
5193.0,
5002.0,
4794.0,
4711.0,
4238.0,
3824.0,
1884.0,
470.0,
498.0,
4562.0,
3324.0,
3806.0,
3953.0,
4440.0,
4513.0,
4609.0,
4661.0,
4755.0,
4812.0,
4963.0,
4846.0,
5063.0,
5125.0,
5110.0,
5358.0,
5307.0,
5228.0,
5615.0,
5674.0,
5473.0,
5430.0,
5750.0,
5155.0,
4969.0,
4738.0,
4730.0,
4266.0,
3809.0,
1875.0,
481.0,
519.0,
3822.0,
3352.0,
3777.0,
3928.0,
4341.0,
4479.0,
4635.0,
4639.0,
4765.0,
4795.0,
4981.0,
4857.0,
5049.0,
5130.0,
5004.0,
5349.0,
5240.0,
5214.0,
5600.0,
5591.0,
5480.0,
5472.0,
5701.0,
5151.0,
5016.0,
4696.0,
4696.0,
4248.0,
3791.0,
1863.0,
487.0,
527.0
]
}
},
"time": {
"samples": {},
"slices": {
"ImagePositionPatient": [
[
-122.137,
-131.271,
-45.9234
],
[
-122.137,
-131.917,
-42.1786
],
[
-122.137,
-132.563,
-38.4339
],
[
-122.137,
-133.209,
-34.6892
],
[
-122.137,
-133.854,
-30.9445
],
[
-122.137,
-134.5,
-27.1997
],
[
-122.137,
-135.146,
-23.455
],
[
-122.137,
-135.792,
-19.7103
],
[
-122.137,
-136.437,
-15.9655
],
[
-122.137,
-137.083,
-12.2208
],
[
-122.137,
-137.729,
-8.47609
],
[
-122.137,
-138.375,
-4.73136
],
[
-122.137,
-139.021,
-0.986638
],
[
-122.137,
-139.666,
2.75809
],
[
-122.137,
-140.312,
6.50281
],
[
-122.137,
-140.958,
10.2475
],
[
-122.137,
-141.604,
13.9923
],
[
-122.137,
-142.249,
17.737
],
[
-122.137,
-142.895,
21.4817
],
[
-122.137,
-143.541,
25.2264
],
[
-122.137,
-144.187,
28.9712
],
[
-122.137,
-144.832,
32.7159
],
[
-122.137,
-145.478,
36.4606
],
[
-122.137,
-146.124,
40.2054
],
[
-122.137,
-146.77,
43.9501
],
[
-122.137,
-147.416,
47.6948
],
[
-122.137,
-148.061,
51.4395
],
[
-122.137,
-148.707,
55.1843
],
[
-122.137,
-149.353,
58.929
],
[
-122.137,
-149.999,
62.6737
],
[
-122.137,
-150.644,
66.4185
],
[
-122.137,
-151.29,
70.1632
]
],
"InStackPositionNumber": [
32,
31,
30,
29,
28,
27,
26,
25,
24,
23,
22,
21,
20,
19,
18,
17,
16,
15,
14,
13,
12,
11,
10,
9,
8,
7,
6,
5,
4,
3,
2,
1
],
"SliceLocation": [
-25.85072517,
-22.10599899,
-18.36127281,
-14.61654663,
-10.87182045,
-7.127094269,
-3.382367849,
0.3623587489,
4.107085228,
7.851811886,
11.59653854,
15.34126472,
19.08599091,
22.83071709,
26.57544327,
30.32016945,
34.06489563,
37.80962372,
41.55435181,
45.2990799,
49.04380798,
52.78853607,
56.53326416,
60.27799225,
64.02272034,
67.76744843,
71.51217651,
75.2569046,
79.00163269,
82.74636078,
86.49108887,
90.23581696
]
}
}
}