{
"ConversionSoftware": "dcm2niix",
"ConversionSoftwareVersion": "v1.0.20170314",
"EchoTime": 0.03,
"FlipAngle": 75,
"ImageType": [
"ORIGINAL",
"PRIMARY",
"EPI",
"NONE"
],
"MagneticFieldStrength": 3,
"Manufacturer": "GE",
"ManufacturersModelName": "Signa_HDxt",
"ProcedureStepDescription": "MRI_Procedure_Limited",
"ProtocolName": "Run_19",
"RepetitionTime": 2,
"TaskName": "checkerboard",
"dcmmeta_affine": [
[
-3.75,
0.0,
0.0,
116.28399658203125
],
[
0.0,
3.738393783569336,
0.29899999499320984,
-123.13180541992188
],
[
0.0,
-0.2948051393032074,
3.7881999015808105,
-15.042476654052734
],
[
0.0,
0.0,
0.0,
1.0
]
],
"dcmmeta_reorient_transform": [
[
0.0,
-1.0,
0.0,
63.0
],
[
1.0,
0.0,
0.0,
0.0
],
[
0.0,
0.0,
-1.0,
31.0
],
[
0.0,
0.0,
0.0,
1.0
]
],
"dcmmeta_shape": [
64,
64,
32,
3
],
"dcmmeta_slice_dim": 2,
"dcmmeta_version": 0.6,
"global": {
"const": {
"AcquisitionMatrix": [
64,
0,
0,
64
],
"AcquisitionNumber": 1,
"AngioFlag": "N",
"BitsAllocated": 16,
"BitsStored": 16,
"CardiacNumberOfImages": 0,
"Columns": 64,
"EchoNumbers": 1,
"EchoTime": 30.0,
"EchoTrainLength": 1,
"FlipAngle": 75.0,
"HeartRate": 0,
"HighBit": 15,
"ImageOrientationPatient": [
1.0,
-0.0,
0.0,
-0.0,
0.996905,
0.0786147
],
"ImageType": [
"ORIGINAL",
"PRIMARY",
"EPI",
"NONE"
],
"ImagedNucleus": "1H",
"ImagesInAcquisition": 32,
"ImagingFrequency": 127.756301,
"InPlanePhaseEncodingDirection": "COL",
"InversionTime": 0.0,
"MRAcquisitionType": "2D",
"MagneticFieldStrength": 3.0,
"Manufacturer": "GE MEDICAL SYSTEMS",
"ManufacturerModelName": "Signa HDxt",
"Modality": "MR",
"NumberOfAverages": 1.0,
"NumberOfTemporalPositions": 170,
"PercentPhaseFieldOfView": 100.0,
"PercentSampling": 100.0,
"PhotometricInterpretation": "MONOCHROME2",
"PixelBandwidth": 7812.5,
"PixelRepresentation": 1,
"PixelSpacing": [
3.75,
3.75
],
"PositionReferenceIndicator": "",
"ProtocolName": "JGC_BOLDEXTENT_TR2/4",
"ReceiveCoilName": "nova16ch",
"ReconstructionDiameter": 240.0,
"ReferencedPerformedProcedureStepSequence": [
{
"ReferencedSOPClassUID": "Modality Performed Procedure Step SOP Class",
"ReferencedSOPInstanceUID": "1.2.840.113619.2.244.3596.11880296.3832.1297943833.934"
}
],
"RepetitionTime": 2000.0,
"Rows": 64,
"SAR": 0.493626,
"SamplesPerPixel": 1,
"ScanOptions": "EPI_GEMS",
"ScanningSequence": [
"EP",
"GR"
],
"SequenceVariant": "SS",
"SeriesDescription": "Run 19",
"SeriesNumber": 5,
"SliceThickness": 3.8,
"SmallestImagePixelValue": 0,
"SoftwareVersions": [
"15",
"LX",
"MR Software release:15.0_M4A_0947.a"
],
"SpacingBetweenSlices": 3.8,
"SpecificCharacterSet": "ISO_IR 100",
"StackID": "1",
"TriggerWindow": 0,
"VariableFlipAngleFlag": "N"
},
"slices": {
"InstanceNumber": [
1,
2,
3,
4,
5,
6,
7,
8,
9,
10,
11,
12,
13,
14,
15,
16,
17,
18,
19,
20,
21,
22,
23,
24,
25,
26,
27,
28,
29,
30,
31,
32,
33,
34,
35,
36,
37,
38,
39,
40,
41,
42,
43,
44,
45,
46,
47,
48,
49,
50,
51,
52,
53,
54,
55,
56,
57,
58,
59,
60,
61,
62,
63,
64,
65,
66,
67,
68,
69,
70,
71,
72,
73,
74,
75,
76,
77,
78,
79,
80,
81,
82,
83,
84,
85,
86,
87,
88,
89,
90,
91,
92,
93,
94,
95,
96
],
"LargestImagePixelValue": [
2408,
3165,
3612,
4089,
4250,
5068,
4764,
5022,
5331,
5078,
5799,
5009,
5183,
5722,
5469,
4965,
5341,
5196,
5110,
5316,
6491,
5260,
5204,
5300,
4914,
5029,
4461,
4021,
2972,
1081,
668,
369,
1937,
2547,
2911,
3435,
3529,
3986,
3860,
3981,
4185,
3973,
4458,
4051,
4270,
4452,
4366,
4129,
4115,
4143,
4106,
4106,
4587,
3941,
3860,
3960,
3671,
3641,
3354,
2995,
2158,
836,
582,
364,
1837,
2492,
2780,
3338,
3469,
3826,
3780,
3871,
4045,
3852,
4301,
3977,
4161,
4262,
4118,
3990,
4015,
3890,
3852,
3781,
4013,
3659,
3528,
3526,
3191,
3246,
3031,
2691,
1879,
824,
582,
325
],
"WindowCenter": [
1204.0,
1582.0,
1806.0,
2044.0,
2125.0,
2534.0,
2382.0,
2511.0,
2665.0,
2539.0,
2899.0,
2504.0,
2591.0,
2861.0,
2734.0,
2482.0,
2670.0,
2598.0,
2555.0,
2658.0,
3245.0,
2630.0,
2602.0,
2650.0,
2457.0,
2514.0,
2230.0,
2010.0,
1486.0,
540.0,
334.0,
184.0,
968.0,
1273.0,
1455.0,
1717.0,
1764.0,
1993.0,
1930.0,
1990.0,
2092.0,
1986.0,
2229.0,
2025.0,
2135.0,
2226.0,
2183.0,
2064.0,
2057.0,
2071.0,
2053.0,
2053.0,
2293.0,
1970.0,
1930.0,
1980.0,
1835.0,
1820.0,
1677.0,
1497.0,
1079.0,
418.0,
291.0,
182.0,
918.0,
1246.0,
1390.0,
1669.0,
1734.0,
1913.0,
1890.0,
1935.0,
2022.0,
1926.0,
2150.0,
1988.0,
2080.0,
2131.0,
2059.0,
1995.0,
2007.0,
1945.0,
1926.0,
1890.0,
2006.0,
1829.0,
1764.0,
1763.0,
1595.0,
1623.0,
1515.0,
1345.0,
939.0,
412.0,
291.0,
162.0
],
"WindowWidth": [
2408.0,
3165.0,
3612.0,
4089.0,
4250.0,
5068.0,
4764.0,
5022.0,
5331.0,
5078.0,
5799.0,
5009.0,
5183.0,
5722.0,
5469.0,
4965.0,
5341.0,
5196.0,
5110.0,
5316.0,
6491.0,
5260.0,
5204.0,
5300.0,
4914.0,
5029.0,
4461.0,
4021.0,
2972.0,
1081.0,
668.0,
369.0,
1937.0,
2547.0,
2911.0,
3435.0,
3529.0,
3986.0,
3860.0,
3981.0,
4185.0,
3973.0,
4458.0,
4051.0,
4270.0,
4452.0,
4366.0,
4129.0,
4115.0,
4143.0,
4106.0,
4106.0,
4587.0,
3941.0,
3860.0,
3960.0,
3671.0,
3641.0,
3354.0,
2995.0,
2158.0,
836.0,
582.0,
364.0,
1837.0,
2492.0,
2780.0,
3338.0,
3469.0,
3826.0,
3780.0,
3871.0,
4045.0,
3852.0,
4301.0,
3977.0,
4161.0,
4262.0,
4118.0,
3990.0,
4015.0,
3890.0,
3852.0,
3781.0,
4013.0,
3659.0,
3528.0,
3526.0,
3191.0,
3246.0,
3031.0,
2691.0,
1879.0,
824.0,
582.0,
325.0
]
}
},
"time": {
"samples": {},
"slices": {
"ImagePositionPatient": [
[
-116.284,
-112.396,
-33.6165
],
[
-116.284,
-112.695,
-29.8283
],
[
-116.284,
-112.994,
-26.04
],
[
-116.284,
-113.292,
-22.2518
],
[
-116.284,
-113.591,
-18.4635
],
[
-116.284,
-113.89,
-14.6753
],
[
-116.284,
-114.188,
-10.8871
],
[
-116.284,
-114.487,
-7.09882
],
[
-116.284,
-114.786,
-3.31057
],
[
-116.284,
-115.085,
0.477669
],
[
-116.284,
-115.383,
4.26591
],
[
-116.284,
-115.682,
8.05416
],
[
-116.284,
-115.981,
11.8424
],
[
-116.284,
-116.279,
15.6306
],
[
-116.284,
-116.578,
19.4189
],
[
-116.284,
-116.877,
23.2071
],
[
-116.284,
-117.175,
26.9954
],
[
-116.284,
-117.474,
30.7836
],
[
-116.284,
-117.773,
34.5719
],
[
-116.284,
-118.071,
38.3601
],
[
-116.284,
-118.37,
42.1483
],
[
-116.284,
-118.669,
45.9366
],
[
-116.284,
-118.967,
49.7248
],
[
-116.284,
-119.266,
53.5131
],
[
-116.284,
-119.565,
57.3013
],
[
-116.284,
-119.863,
61.0896
],
[
-116.284,
-120.162,
64.8778
],
[
-116.284,
-120.461,
68.666
],
[
-116.284,
-120.759,
72.4543
],
[
-116.284,
-121.058,
76.2425
],
[
-116.284,
-121.357,
80.0308
],
[
-116.284,
-121.656,
83.819
]
],
"InStackPositionNumber": [
1,
2,
3,
4,
5,
6,
7,
8,
9,
10,
11,
12,
13,
14,
15,
16,
17,
18,
19,
20,
21,
22,
23,
24,
25,
26,
27,
28,
29,
30,
31,
32
],
"SliceLocation": [
-24.33004379,
-20.54179955,
-16.7535553,
-12.965312,
-9.17706871,
-5.388825417,
-1.600582123,
2.187661171,
5.975904465,
9.764147758,
13.55239105,
17.3406353,
21.12887955,
24.91712379,
28.70536804,
32.49361038,
36.28185272,
40.07009506,
43.8583374,
47.64657974,
51.43482208,
55.22306442,
59.01130676,
62.7995491,
66.58779144,
70.3760376,
74.16428375,
77.95252991,
81.74077606,
85.52902222,
89.31726837,
93.10551453
]
}
}
}