{
"ConversionSoftware": "dcm2niix",
"ConversionSoftwareVersion": "v1.0.20170314",
"EchoTime": 0.03,
"FlipAngle": 75,
"ImageType": [
"ORIGINAL",
"PRIMARY",
"EPI",
"NONE"
],
"MagneticFieldStrength": 3,
"Manufacturer": "GE",
"ManufacturersModelName": "Signa_HDxt",
"ProcedureStepDescription": "MRI_Procedure_Limited",
"ProtocolName": "Run_19",
"RepetitionTime": 2,
"TaskName": "checkerboard",
"dcmmeta_affine": [
[
-3.75,
0.0,
0.0,
116.28399658203125
],
[
0.0,
3.738393783569336,
0.29899999499320984,
-123.13180541992188
],
[
0.0,
-0.2948051393032074,
3.7881999015808105,
-15.042476654052734
],
[
0.0,
0.0,
0.0,
1.0
]
],
"dcmmeta_reorient_transform": [
[
0.0,
-1.0,
0.0,
63.0
],
[
1.0,
0.0,
0.0,
0.0
],
[
0.0,
0.0,
-1.0,
31.0
],
[
0.0,
0.0,
0.0,
1.0
]
],
"dcmmeta_shape": [
64,
64,
32,
3
],
"dcmmeta_slice_dim": 2,
"dcmmeta_version": 0.6,
"global": {
"const": {
"AcquisitionMatrix": [
64,
0,
0,
64
],
"AcquisitionNumber": 1,
"AngioFlag": "N",
"BitsAllocated": 16,
"BitsStored": 16,
"CardiacNumberOfImages": 0,
"Columns": 64,
"EchoNumbers": 1,
"EchoTime": 30.0,
"EchoTrainLength": 1,
"FlipAngle": 75.0,
"HeartRate": 0,
"HighBit": 15,
"ImageOrientationPatient": [
1.0,
-0.0,
0.0,
-0.0,
0.996905,
0.0786147
],
"ImageType": [
"ORIGINAL",
"PRIMARY",
"EPI",
"NONE"
],
"ImagedNucleus": "1H",
"ImagesInAcquisition": 32,
"ImagingFrequency": 127.756307,
"InPlanePhaseEncodingDirection": "COL",
"InversionTime": 0.0,
"MRAcquisitionType": "2D",
"MagneticFieldStrength": 3.0,
"Manufacturer": "GE MEDICAL SYSTEMS",
"ManufacturerModelName": "Signa HDxt",
"Modality": "MR",
"NumberOfAverages": 1.0,
"NumberOfTemporalPositions": 170,
"PercentPhaseFieldOfView": 100.0,
"PercentSampling": 100.0,
"PhotometricInterpretation": "MONOCHROME2",
"PixelBandwidth": 7812.5,
"PixelRepresentation": 1,
"PixelSpacing": [
3.75,
3.75
],
"PositionReferenceIndicator": "",
"ProtocolName": "JGC_BOLDEXTENT_TR2/4",
"ReceiveCoilName": "nova16ch",
"ReconstructionDiameter": 240.0,
"ReferencedPerformedProcedureStepSequence": [
{
"ReferencedSOPClassUID": "Modality Performed Procedure Step SOP Class",
"ReferencedSOPInstanceUID": "1.2.840.113619.2.244.3596.11880296.3832.1297943833.934"
}
],
"RepetitionTime": 2000.0,
"Rows": 64,
"SAR": 0.493626,
"SamplesPerPixel": 1,
"ScanOptions": "EPI_GEMS",
"ScanningSequence": [
"EP",
"GR"
],
"SequenceVariant": "SS",
"SeriesDescription": "Run 19",
"SeriesNumber": 4,
"SliceThickness": 3.8,
"SmallestImagePixelValue": 0,
"SoftwareVersions": [
"15",
"LX",
"MR Software release:15.0_M4A_0947.a"
],
"SpacingBetweenSlices": 3.8,
"SpecificCharacterSet": "ISO_IR 100",
"StackID": "1",
"TriggerWindow": 0,
"VariableFlipAngleFlag": "N"
},
"slices": {
"InstanceNumber": [
1,
2,
3,
4,
5,
6,
7,
8,
9,
10,
11,
12,
13,
14,
15,
16,
17,
18,
19,
20,
21,
22,
23,
24,
25,
26,
27,
28,
29,
30,
31,
32,
33,
34,
35,
36,
37,
38,
39,
40,
41,
42,
43,
44,
45,
46,
47,
48,
49,
50,
51,
52,
53,
54,
55,
56,
57,
58,
59,
60,
61,
62,
63,
64,
65,
66,
67,
68,
69,
70,
71,
72,
73,
74,
75,
76,
77,
78,
79,
80,
81,
82,
83,
84,
85,
86,
87,
88,
89,
90,
91,
92,
93,
94,
95,
96
],
"LargestImagePixelValue": [
2360,
3156,
3455,
3987,
4090,
4625,
4556,
4834,
5146,
4751,
6938,
5055,
5405,
5681,
5786,
4712,
5614,
4969,
5144,
5324,
6167,
5642,
5216,
5611,
5208,
5034,
4387,
3848,
3077,
1278,
688,
328,
1776,
2452,
2721,
3280,
3351,
3677,
3805,
3930,
4138,
3931,
4341,
3960,
4509,
4495,
4467,
3958,
4263,
3927,
3867,
4107,
4478,
4047,
3841,
4040,
3880,
3659,
3327,
2835,
2234,
1048,
605,
299,
1719,
2426,
2594,
3231,
3286,
3587,
3728,
3813,
3986,
3902,
4139,
3866,
4343,
4287,
4194,
3844,
4032,
3763,
3724,
3794,
3959,
3719,
3466,
3599,
3450,
3241,
3024,
2566,
1951,
931,
593,
295
],
"WindowCenter": [
1180.0,
1578.0,
1727.0,
1993.0,
2045.0,
2312.0,
2278.0,
2417.0,
2573.0,
2375.0,
3469.0,
2527.0,
2702.0,
2840.0,
2893.0,
2356.0,
2807.0,
2484.0,
2572.0,
2662.0,
3083.0,
2821.0,
2608.0,
2805.0,
2604.0,
2517.0,
2193.0,
1924.0,
1538.0,
639.0,
344.0,
164.0,
888.0,
1226.0,
1360.0,
1640.0,
1675.0,
1838.0,
1902.0,
1965.0,
2069.0,
1965.0,
2170.0,
1980.0,
2254.0,
2247.0,
2233.0,
1979.0,
2131.0,
1963.0,
1933.0,
2053.0,
2239.0,
2023.0,
1920.0,
2020.0,
1940.0,
1829.0,
1663.0,
1417.0,
1117.0,
524.0,
302.0,
149.0,
859.0,
1213.0,
1297.0,
1615.0,
1643.0,
1793.0,
1864.0,
1906.0,
1993.0,
1951.0,
2069.0,
1933.0,
2171.0,
2143.0,
2097.0,
1922.0,
2016.0,
1881.0,
1862.0,
1897.0,
1979.0,
1859.0,
1733.0,
1799.0,
1725.0,
1620.0,
1512.0,
1283.0,
975.0,
465.0,
296.0,
147.0
],
"WindowWidth": [
2360.0,
3156.0,
3455.0,
3987.0,
4090.0,
4625.0,
4556.0,
4834.0,
5146.0,
4751.0,
6938.0,
5055.0,
5405.0,
5681.0,
5786.0,
4712.0,
5614.0,
4969.0,
5144.0,
5324.0,
6167.0,
5642.0,
5216.0,
5611.0,
5208.0,
5034.0,
4387.0,
3848.0,
3077.0,
1278.0,
688.0,
328.0,
1776.0,
2452.0,
2721.0,
3280.0,
3351.0,
3677.0,
3805.0,
3930.0,
4138.0,
3931.0,
4341.0,
3960.0,
4509.0,
4495.0,
4467.0,
3958.0,
4263.0,
3927.0,
3867.0,
4107.0,
4478.0,
4047.0,
3841.0,
4040.0,
3880.0,
3659.0,
3327.0,
2835.0,
2234.0,
1048.0,
605.0,
299.0,
1719.0,
2426.0,
2594.0,
3231.0,
3286.0,
3587.0,
3728.0,
3813.0,
3986.0,
3902.0,
4139.0,
3866.0,
4343.0,
4287.0,
4194.0,
3844.0,
4032.0,
3763.0,
3724.0,
3794.0,
3959.0,
3719.0,
3466.0,
3599.0,
3450.0,
3241.0,
3024.0,
2566.0,
1951.0,
931.0,
593.0,
295.0
]
}
},
"time": {
"samples": {},
"slices": {
"ImagePositionPatient": [
[
-116.284,
-112.396,
-33.6165
],
[
-116.284,
-112.695,
-29.8283
],
[
-116.284,
-112.994,
-26.04
],
[
-116.284,
-113.292,
-22.2518
],
[
-116.284,
-113.591,
-18.4635
],
[
-116.284,
-113.89,
-14.6753
],
[
-116.284,
-114.188,
-10.8871
],
[
-116.284,
-114.487,
-7.09882
],
[
-116.284,
-114.786,
-3.31057
],
[
-116.284,
-115.085,
0.477669
],
[
-116.284,
-115.383,
4.26591
],
[
-116.284,
-115.682,
8.05416
],
[
-116.284,
-115.981,
11.8424
],
[
-116.284,
-116.279,
15.6306
],
[
-116.284,
-116.578,
19.4189
],
[
-116.284,
-116.877,
23.2071
],
[
-116.284,
-117.175,
26.9954
],
[
-116.284,
-117.474,
30.7836
],
[
-116.284,
-117.773,
34.5719
],
[
-116.284,
-118.071,
38.3601
],
[
-116.284,
-118.37,
42.1483
],
[
-116.284,
-118.669,
45.9366
],
[
-116.284,
-118.967,
49.7248
],
[
-116.284,
-119.266,
53.5131
],
[
-116.284,
-119.565,
57.3013
],
[
-116.284,
-119.863,
61.0896
],
[
-116.284,
-120.162,
64.8778
],
[
-116.284,
-120.461,
68.666
],
[
-116.284,
-120.759,
72.4543
],
[
-116.284,
-121.058,
76.2425
],
[
-116.284,
-121.357,
80.0308
],
[
-116.284,
-121.656,
83.819
]
],
"InStackPositionNumber": [
1,
2,
3,
4,
5,
6,
7,
8,
9,
10,
11,
12,
13,
14,
15,
16,
17,
18,
19,
20,
21,
22,
23,
24,
25,
26,
27,
28,
29,
30,
31,
32
],
"SliceLocation": [
-24.33004379,
-20.54179955,
-16.7535553,
-12.965312,
-9.17706871,
-5.388825417,
-1.600582123,
2.187661171,
5.975904465,
9.764147758,
13.55239105,
17.3406353,
21.12887955,
24.91712379,
28.70536804,
32.49361038,
36.28185272,
40.07009506,
43.8583374,
47.64657974,
51.43482208,
55.22306442,
59.01130676,
62.7995491,
66.58779144,
70.3760376,
74.16428375,
77.95252991,
81.74077606,
85.52902222,
89.31726837,
93.10551453
]
}
}
}