{
"ConversionSoftware": "dcm2niix",
"ConversionSoftwareVersion": "v1.0.20170314",
"EchoTime": 0.0027,
"FlipAngle": 12,
"ImageType": [
"ORIGINAL",
"PRIMARY",
"OTHER"
],
"MagneticFieldStrength": 3,
"Manufacturer": "GE",
"ManufacturersModelName": "Signa_HDxt",
"ProcedureStepDescription": "MRI_Procedure_Limited",
"ProtocolName": "MPRage2:_Full_Brain_T1",
"RepetitionTime": 0.00724,
"dcmmeta_affine": [
[
0.9375,
0.0,
0.0,
-116.98249816894531
],
[
0.0,
0.9375,
0.0,
-97.5824966430664
],
[
0.0,
0.0,
1.2000000476837158,
-48.192901611328125
],
[
0.0,
0.0,
0.0,
1.0
]
],
"dcmmeta_reorient_transform": [
[
0.0,
-1.0,
0.0,
255.0
],
[
-1.0,
0.0,
0.0,
255.0
],
[
0.0,
0.0,
-1.0,
123.0
],
[
0.0,
0.0,
0.0,
1.0
]
],
"dcmmeta_shape": [
256,
256,
124
],
"dcmmeta_slice_dim": 2,
"dcmmeta_version": 0.6,
"global": {
"const": {
"AcquisitionMatrix": [
0,
224,
224,
0
],
"AcquisitionNumber": 1,
"AngioFlag": "N",
"BitsAllocated": 16,
"BitsStored": 16,
"CardiacNumberOfImages": 0,
"Columns": 256,
"EchoNumbers": 1,
"EchoTime": 2.7,
"EchoTrainLength": 1,
"FlipAngle": 12.0,
"HeartRate": 0,
"HighBit": 15,
"ImageOrientationPatient": [
1.0,
-0.0,
0.0,
-0.0,
1.0,
0.0
],
"ImageType": [
"ORIGINAL",
"PRIMARY",
"OTHER"
],
"ImagedNucleus": "1H",
"ImagesInAcquisition": 124,
"ImagingFrequency": 127.756267,
"InPlanePhaseEncodingDirection": "ROW",
"InversionTime": 725.0,
"MRAcquisitionType": "3D",
"MagneticFieldStrength": 3.0,
"Manufacturer": "GE MEDICAL SYSTEMS",
"ManufacturerModelName": "Signa HDxt",
"Modality": "MR",
"NumberOfAverages": 1.0,
"PercentPhaseFieldOfView": 80.0,
"PercentSampling": 100.0,
"PhotometricInterpretation": "MONOCHROME2",
"PixelBandwidth": 244.141,
"PixelRepresentation": 1,
"PixelSpacing": [
0.9375,
0.9375
],
"PositionReferenceIndicator": "",
"ProtocolName": "JGC_BOLDEXTENT_TR2/3",
"ReceiveCoilName": "8HRBRAIN",
"ReconstructionDiameter": 240.0,
"ReferencedPerformedProcedureStepSequence": [
{
"ReferencedSOPClassUID": "Modality Performed Procedure Step SOP Class",
"ReferencedSOPInstanceUID": "1.2.840.113619.2.244.3596.11880296.624.1291900549.132"
}
],
"RepetitionTime": 7.24,
"Rows": 256,
"SAR": 0.196312,
"SamplesPerPixel": 1,
"ScanOptions": "ACC_GEMS",
"ScanningSequence": "RM",
"SequenceVariant": "NONE",
"SeriesDescription": "MPRage2: Full Brain T1",
"SeriesNumber": 3,
"SliceThickness": 1.2,
"SmallestImagePixelValue": 0,
"SoftwareVersions": [
"15",
"LX",
"MR Software release:15.0_M4A_0947.a"
],
"SpacingBetweenSlices": 1.2,
"SpecificCharacterSet": "ISO_IR 100",
"StackID": "1",
"TriggerWindow": 0,
"VariableFlipAngleFlag": "N"
},
"slices": {
"ImagePositionPatient": [
[
-122.08,
-141.48,
-48.1929
],
[
-122.08,
-141.48,
-46.9929
],
[
-122.08,
-141.48,
-45.7929
],
[
-122.08,
-141.48,
-44.5929
],
[
-122.08,
-141.48,
-43.3929
],
[
-122.08,
-141.48,
-42.1929
],
[
-122.08,
-141.48,
-40.9929
],
[
-122.08,
-141.48,
-39.7929
],
[
-122.08,
-141.48,
-38.5929
],
[
-122.08,
-141.48,
-37.3929
],
[
-122.08,
-141.48,
-36.1929
],
[
-122.08,
-141.48,
-34.9929
],
[
-122.08,
-141.48,
-33.7929
],
[
-122.08,
-141.48,
-32.5929
],
[
-122.08,
-141.48,
-31.3929
],
[
-122.08,
-141.48,
-30.1929
],
[
-122.08,
-141.48,
-28.9929
],
[
-122.08,
-141.48,
-27.7929
],
[
-122.08,
-141.48,
-26.5929
],
[
-122.08,
-141.48,
-25.3929
],
[
-122.08,
-141.48,
-24.1929
],
[
-122.08,
-141.48,
-22.9929
],
[
-122.08,
-141.48,
-21.7929
],
[
-122.08,
-141.48,
-20.5929
],
[
-122.08,
-141.48,
-19.3929
],
[
-122.08,
-141.48,
-18.1929
],
[
-122.08,
-141.48,
-16.9929
],
[
-122.08,
-141.48,
-15.7929
],
[
-122.08,
-141.48,
-14.5929
],
[
-122.08,
-141.48,
-13.3929
],
[
-122.08,
-141.48,
-12.1929
],
[
-122.08,
-141.48,
-10.9929
],
[
-122.08,
-141.48,
-9.79287
],
[
-122.08,
-141.48,
-8.59287
],
[
-122.08,
-141.48,
-7.39287
],
[
-122.08,
-141.48,
-6.19287
],
[
-122.08,
-141.48,
-4.99287
],
[
-122.08,
-141.48,
-3.79287
],
[
-122.08,
-141.48,
-2.59287
],
[
-122.08,
-141.48,
-1.39287
],
[
-122.08,
-141.48,
-0.192874
],
[
-122.08,
-141.48,
1.00713
],
[
-122.08,
-141.48,
2.20713
],
[
-122.08,
-141.48,
3.40713
],
[
-122.08,
-141.48,
4.60713
],
[
-122.08,
-141.48,
5.80713
],
[
-122.08,
-141.48,
7.00713
],
[
-122.08,
-141.48,
8.20713
],
[
-122.08,
-141.48,
9.40713
],
[
-122.08,
-141.48,
10.6071
],
[
-122.08,
-141.48,
11.8071
],
[
-122.08,
-141.48,
13.0071
],
[
-122.08,
-141.48,
14.2071
],
[
-122.08,
-141.48,
15.4071
],
[
-122.08,
-141.48,
16.6071
],
[
-122.08,
-141.48,
17.8071
],
[
-122.08,
-141.48,
19.0071
],
[
-122.08,
-141.48,
20.2071
],
[
-122.08,
-141.48,
21.4071
],
[
-122.08,
-141.48,
22.6071
],
[
-122.08,
-141.48,
23.8071
],
[
-122.08,
-141.48,
25.0071
],
[
-122.08,
-141.48,
26.2071
],
[
-122.08,
-141.48,
27.4071
],
[
-122.08,
-141.48,
28.6071
],
[
-122.08,
-141.48,
29.8071
],
[
-122.08,
-141.48,
31.0071
],
[
-122.08,
-141.48,
32.2071
],
[
-122.08,
-141.48,
33.4071
],
[
-122.08,
-141.48,
34.6071
],
[
-122.08,
-141.48,
35.8071
],
[
-122.08,
-141.48,
37.0071
],
[
-122.08,
-141.48,
38.2071
],
[
-122.08,
-141.48,
39.4071
],
[
-122.08,
-141.48,
40.6071
],
[
-122.08,
-141.48,
41.8071
],
[
-122.08,
-141.48,
43.0071
],
[
-122.08,
-141.48,
44.2071
],
[
-122.08,
-141.48,
45.4071
],
[
-122.08,
-141.48,
46.6071
],
[
-122.08,
-141.48,
47.8071
],
[
-122.08,
-141.48,
49.0071
],
[
-122.08,
-141.48,
50.2071
],
[
-122.08,
-141.48,
51.4071
],
[
-122.08,
-141.48,
52.6071
],
[
-122.08,
-141.48,
53.8071
],
[
-122.08,
-141.48,
55.0071
],
[
-122.08,
-141.48,
56.2071
],
[
-122.08,
-141.48,
57.4072
],
[
-122.08,
-141.48,
58.6072
],
[
-122.08,
-141.48,
59.8072
],
[
-122.08,
-141.48,
61.0072
],
[
-122.08,
-141.48,
62.2072
],
[
-122.08,
-141.48,
63.4072
],
[
-122.08,
-141.48,
64.6072
],
[
-122.08,
-141.48,
65.8072
],
[
-122.08,
-141.48,
67.0071
],
[
-122.08,
-141.48,
68.2071
],
[
-122.08,
-141.48,
69.4071
],
[
-122.08,
-141.48,
70.6071
],
[
-122.08,
-141.48,
71.8071
],
[
-122.08,
-141.48,
73.0071
],
[
-122.08,
-141.48,
74.2071
],
[
-122.08,
-141.48,
75.4071
],
[
-122.08,
-141.48,
76.6071
],
[
-122.08,
-141.48,
77.8071
],
[
-122.08,
-141.48,
79.0071
],
[
-122.08,
-141.48,
80.2071
],
[
-122.08,
-141.48,
81.4071
],
[
-122.08,
-141.48,
82.6071
],
[
-122.08,
-141.48,
83.8071
],
[
-122.08,
-141.48,
85.0071
],
[
-122.08,
-141.48,
86.2071
],
[
-122.08,
-141.48,
87.4071
],
[
-122.08,
-141.48,
88.6071
],
[
-122.08,
-141.48,
89.8071
],
[
-122.08,
-141.48,
91.0071
],
[
-122.08,
-141.48,
92.2071
],
[
-122.08,
-141.48,
93.4071
],
[
-122.08,
-141.48,
94.6071
],
[
-122.08,
-141.48,
95.8071
],
[
-122.08,
-141.48,
97.0071
],
[
-122.08,
-141.48,
98.2071
],
[
-122.08,
-141.48,
99.4071
]
],
"InStackPositionNumber": [
126,
125,
124,
123,
122,
121,
120,
119,
118,
117,
116,
115,
114,
113,
112,
111,
110,
109,
108,
107,
106,
105,
104,
103,
102,
101,
100,
99,
98,
97,
96,
95,
94,
93,
92,
91,
90,
89,
88,
87,
86,
85,
84,
83,
82,
81,
80,
79,
78,
77,
76,
75,
74,
73,
72,
71,
70,
69,
68,
67,
66,
65,
64,
63,
62,
61,
60,
59,
58,
57,
56,
55,
54,
53,
52,
51,
50,
49,
48,
47,
46,
45,
44,
43,
42,
41,
40,
39,
38,
37,
36,
35,
34,
33,
32,
31,
30,
29,
28,
27,
26,
25,
24,
23,
22,
21,
20,
19,
18,
17,
16,
15,
14,
13,
12,
11,
10,
9,
8,
7,
6,
5,
4,
3
],
"InstanceNumber": [
124,
123,
122,
121,
120,
119,
118,
117,
116,
115,
114,
113,
112,
111,
110,
109,
108,
107,
106,
105,
104,
103,
102,
101,
100,
99,
98,
97,
96,
95,
94,
93,
92,
91,
90,
89,
88,
87,
86,
85,
84,
83,
82,
81,
80,
79,
78,
77,
76,
75,
74,
73,
72,
71,
70,
69,
68,
67,
66,
65,
64,
63,
62,
61,
60,
59,
58,
57,
56,
55,
54,
53,
52,
51,
50,
49,
48,
47,
46,
45,
44,
43,
42,
41,
40,
39,
38,
37,
36,
35,
34,
33,
32,
31,
30,
29,
28,
27,
26,
25,
24,
23,
22,
21,
20,
19,
18,
17,
16,
15,
14,
13,
12,
11,
10,
9,
8,
7,
6,
5,
4,
3,
2,
1
],
"LargestImagePixelValue": [
1792,
2335,
2854,
3493,
3989,
4656,
5467,
6160,
7177,
7842,
8232,
8367,
8547,
8832,
8705,
7986,
8439,
7943,
7224,
5645,
5545,
5463,
5790,
5767,
5292,
5730,
5396,
5363,
5492,
5754,
5699,
5761,
5979,
6061,
6545,
6769,
7045,
7378,
6864,
7498,
7461,
7301,
7664,
8000,
7523,
7454,
7718,
7695,
7635,
7854,
7676,
7693,
7615,
7719,
7407,
7515,
7808,
7807,
7621,
8018,
7603,
7474,
7653,
7523,
7242,
7705,
7980,
7205,
7479,
7399,
7307,
7265,
6974,
7440,
6845,
7170,
7157,
7318,
7375,
6907,
6946,
6865,
7035,
7173,
6995,
6774,
6890,
6381,
6849,
6557,
6899,
6461,
6693,
6625,
6569,
6254,
6391,
5920,
5722,
5707,
5467,
5907,
5476,
5195,
5316,
5576,
4993,
5133,
4781,
4653,
4695,
4428,
4528,
4023,
4040,
3634,
3675,
2907,
2312,
1590,
1036,
424,
405,
402
],
"SliceLocation": [
-48.19289017,
-46.9928894,
-45.79288864,
-44.59288788,
-43.39288712,
-42.19288635,
-40.99288559,
-39.79288483,
-38.59288406,
-37.3928833,
-36.19288254,
-34.99288177,
-33.79288101,
-32.59288025,
-31.39288139,
-30.19288063,
-28.99287987,
-27.7928791,
-26.59287834,
-25.39287758,
-24.19287682,
-22.99287605,
-21.79287529,
-20.59287453,
-19.39287376,
-18.192873,
-16.99287224,
-15.79287243,
-14.59287262,
-13.39287281,
-12.192873,
-10.99287319,
-9.792873383,
-8.592873573,
-7.392873764,
-6.192873955,
-4.992874146,
-3.792874098,
-2.59287405,
-1.392874002,
-0.1928739548,
1.007126093,
2.207126141,
3.407126188,
4.607126236,
5.807126045,
7.007125854,
8.207125664,
9.407125473,
10.60712528,
11.80712509,
13.0071249,
14.20712471,
15.40712452,
16.60712433,
17.80712509,
19.00712585,
20.20712662,
21.40712738,
22.60712814,
23.80712891,
25.00712967,
26.20713043,
27.4071312,
28.60713196,
29.80713272,
31.00713348,
32.20713425,
33.40713501,
34.60713577,
35.80713654,
37.0071373,
38.20713806,
39.40713882,
40.60713959,
41.80714035,
43.00714111,
44.20714188,
45.40714264,
46.6071434,
47.80714417,
49.00714493,
50.20714569,
51.40714645,
52.60714722,
53.80714798,
55.00714874,
56.20714951,
57.40715027,
58.60715103,
59.80715179,
61.00715256,
62.20715332,
63.40715408,
64.60715485,
65.80715179,
67.00714874,
68.20714569,
69.40714264,
70.60713959,
71.80713654,
73.00713348,
74.20713043,
75.40712738,
76.60712433,
77.80712128,
79.00711823,
80.20711517,
81.40711212,
82.60710907,
83.80710602,
85.00710297,
86.20709991,
87.40709686,
88.60709381,
89.80709076,
91.00708771,
92.20708466,
93.4070816,
94.60707855,
95.8070755,
97.00707245,
98.2070694,
99.40706635
],
"WindowCenter": [
896.0,
1167.0,
1427.0,
1746.0,
1994.0,
2328.0,
2733.0,
3080.0,
3588.0,
3921.0,
4116.0,
4183.0,
4273.0,
4416.0,
4352.0,
3993.0,
4219.0,
3971.0,
3612.0,
2822.0,
2772.0,
2731.0,
2895.0,
2883.0,
2646.0,
2865.0,
2698.0,
2681.0,
2746.0,
2877.0,
2849.0,
2880.0,
2989.0,
3030.0,
3272.0,
3384.0,
3522.0,
3689.0,
3432.0,
3749.0,
3730.0,
3650.0,
3832.0,
4000.0,
3761.0,
3727.0,
3859.0,
3847.0,
3817.0,
3927.0,
3838.0,
3846.0,
3807.0,
3859.0,
3703.0,
3757.0,
3904.0,
3903.0,
3810.0,
4009.0,
3801.0,
3737.0,
3826.0,
3761.0,
3621.0,
3852.0,
3990.0,
3602.0,
3739.0,
3699.0,
3653.0,
3632.0,
3487.0,
3720.0,
3422.0,
3585.0,
3578.0,
3659.0,
3687.0,
3453.0,
3473.0,
3432.0,
3517.0,
3586.0,
3497.0,
3387.0,
3445.0,
3190.0,
3424.0,
3278.0,
3449.0,
3230.0,
3346.0,
3312.0,
3284.0,
3127.0,
3195.0,
2960.0,
2861.0,
2853.0,
2733.0,
2953.0,
2738.0,
2597.0,
2658.0,
2788.0,
2496.0,
2566.0,
2390.0,
2326.0,
2347.0,
2214.0,
2264.0,
2011.0,
2020.0,
1817.0,
1837.0,
1453.0,
1156.0,
795.0,
518.0,
212.0,
202.0,
201.0
],
"WindowWidth": [
1792.0,
2335.0,
2854.0,
3493.0,
3989.0,
4656.0,
5467.0,
6160.0,
7177.0,
7842.0,
8232.0,
8367.0,
8547.0,
8832.0,
8705.0,
7986.0,
8439.0,
7943.0,
7224.0,
5645.0,
5545.0,
5463.0,
5790.0,
5767.0,
5292.0,
5730.0,
5396.0,
5363.0,
5492.0,
5754.0,
5699.0,
5761.0,
5979.0,
6061.0,
6545.0,
6769.0,
7045.0,
7378.0,
6864.0,
7498.0,
7461.0,
7301.0,
7664.0,
8000.0,
7523.0,
7454.0,
7718.0,
7695.0,
7635.0,
7854.0,
7676.0,
7693.0,
7615.0,
7719.0,
7407.0,
7515.0,
7808.0,
7807.0,
7621.0,
8018.0,
7603.0,
7474.0,
7653.0,
7523.0,
7242.0,
7705.0,
7980.0,
7205.0,
7479.0,
7399.0,
7307.0,
7265.0,
6974.0,
7440.0,
6845.0,
7170.0,
7157.0,
7318.0,
7375.0,
6907.0,
6946.0,
6865.0,
7035.0,
7173.0,
6995.0,
6774.0,
6890.0,
6381.0,
6849.0,
6557.0,
6899.0,
6461.0,
6693.0,
6625.0,
6569.0,
6254.0,
6391.0,
5920.0,
5722.0,
5707.0,
5467.0,
5907.0,
5476.0,
5195.0,
5316.0,
5576.0,
4993.0,
5133.0,
4781.0,
4653.0,
4695.0,
4428.0,
4528.0,
4023.0,
4040.0,
3634.0,
3675.0,
2907.0,
2312.0,
1590.0,
1036.0,
424.0,
405.0,
402.0
]
}
}
}