{
"ConversionSoftware": "dcm2niix",
"ConversionSoftwareVersion": "v1.0.20170314",
"EchoTime": 0.0027,
"FlipAngle": 12,
"ImageType": [
"ORIGINAL",
"PRIMARY",
"OTHER"
],
"MagneticFieldStrength": 3,
"Manufacturer": "GE",
"ManufacturersModelName": "Signa_HDxt",
"ProcedureStepDescription": "MRI_Procedure_Limited",
"ProtocolName": "MPRage2:_Full_Brain_T1",
"RepetitionTime": 0.00724,
"dcmmeta_affine": [
[
0.9375,
0.0,
0.0,
-125.76249694824219
],
[
0.0,
0.9375,
0.0,
-124.65650177001953
],
[
0.0,
0.0,
1.2000000476837158,
-48.192901611328125
],
[
0.0,
0.0,
0.0,
1.0
]
],
"dcmmeta_reorient_transform": [
[
0.0,
-1.0,
0.0,
255.0
],
[
-1.0,
0.0,
0.0,
255.0
],
[
0.0,
0.0,
-1.0,
123.0
],
[
0.0,
0.0,
0.0,
1.0
]
],
"dcmmeta_shape": [
256,
256,
124
],
"dcmmeta_slice_dim": 2,
"dcmmeta_version": 0.6,
"global": {
"const": {
"AcquisitionMatrix": [
0,
224,
224,
0
],
"AcquisitionNumber": 1,
"AngioFlag": "N",
"BitsAllocated": 16,
"BitsStored": 16,
"CardiacNumberOfImages": 0,
"Columns": 256,
"EchoNumbers": 1,
"EchoTime": 2.7,
"EchoTrainLength": 1,
"FlipAngle": 12.0,
"HeartRate": 0,
"HighBit": 15,
"ImageOrientationPatient": [
1.0,
-0.0,
0.0,
-0.0,
1.0,
0.0
],
"ImageType": [
"ORIGINAL",
"PRIMARY",
"OTHER"
],
"ImagedNucleus": "1H",
"ImagesInAcquisition": 124,
"ImagingFrequency": 127.75637,
"InPlanePhaseEncodingDirection": "ROW",
"InversionTime": 725.0,
"MRAcquisitionType": "3D",
"MagneticFieldStrength": 3.0,
"Manufacturer": "GE MEDICAL SYSTEMS",
"ManufacturerModelName": "Signa HDxt",
"Modality": "MR",
"NumberOfAverages": 1.0,
"PercentPhaseFieldOfView": 80.0,
"PercentSampling": 100.0,
"PhotometricInterpretation": "MONOCHROME2",
"PixelBandwidth": 244.141,
"PixelRepresentation": 1,
"PixelSpacing": [
0.9375,
0.9375
],
"PositionReferenceIndicator": "",
"ProtocolName": "JGC_BOLDEXTENT_TR2/3",
"ReceiveCoilName": "nova16ch",
"ReconstructionDiameter": 240.0,
"ReferencedPerformedProcedureStepSequence": [
{
"ReferencedSOPClassUID": "Modality Performed Procedure Step SOP Class",
"ReferencedSOPInstanceUID": "1.2.840.113619.2.244.3596.11880296.3581.1294918465.745"
}
],
"RepetitionTime": 7.24,
"Rows": 256,
"SAR": 0.414585,
"SamplesPerPixel": 1,
"ScanOptions": "ACC_GEMS",
"ScanningSequence": "RM",
"SequenceVariant": "NONE",
"SeriesDescription": "MPRage2: Full Brain T1",
"SeriesNumber": 3,
"SliceThickness": 1.2,
"SmallestImagePixelValue": 0,
"SoftwareVersions": [
"15",
"LX",
"MR Software release:15.0_M4A_0947.a"
],
"SpacingBetweenSlices": 1.2,
"SpecificCharacterSet": "ISO_IR 100",
"StackID": "1",
"TriggerWindow": 0,
"VariableFlipAngleFlag": "N"
},
"slices": {
"ImagePositionPatient": [
[
-113.3,
-114.406,
-48.1929
],
[
-113.3,
-114.406,
-46.9929
],
[
-113.3,
-114.406,
-45.7929
],
[
-113.3,
-114.406,
-44.5929
],
[
-113.3,
-114.406,
-43.3929
],
[
-113.3,
-114.406,
-42.1929
],
[
-113.3,
-114.406,
-40.9929
],
[
-113.3,
-114.406,
-39.7929
],
[
-113.3,
-114.406,
-38.5929
],
[
-113.3,
-114.406,
-37.3929
],
[
-113.3,
-114.406,
-36.1929
],
[
-113.3,
-114.406,
-34.9929
],
[
-113.3,
-114.406,
-33.7929
],
[
-113.3,
-114.406,
-32.5929
],
[
-113.3,
-114.406,
-31.3929
],
[
-113.3,
-114.406,
-30.1929
],
[
-113.3,
-114.406,
-28.9929
],
[
-113.3,
-114.406,
-27.7929
],
[
-113.3,
-114.406,
-26.5929
],
[
-113.3,
-114.406,
-25.3929
],
[
-113.3,
-114.406,
-24.1929
],
[
-113.3,
-114.406,
-22.9929
],
[
-113.3,
-114.406,
-21.7929
],
[
-113.3,
-114.406,
-20.5929
],
[
-113.3,
-114.406,
-19.3929
],
[
-113.3,
-114.406,
-18.1929
],
[
-113.3,
-114.406,
-16.9929
],
[
-113.3,
-114.406,
-15.7929
],
[
-113.3,
-114.406,
-14.5929
],
[
-113.3,
-114.406,
-13.3929
],
[
-113.3,
-114.406,
-12.1929
],
[
-113.3,
-114.406,
-10.9929
],
[
-113.3,
-114.406,
-9.79287
],
[
-113.3,
-114.406,
-8.59287
],
[
-113.3,
-114.406,
-7.39287
],
[
-113.3,
-114.406,
-6.19287
],
[
-113.3,
-114.406,
-4.99287
],
[
-113.3,
-114.406,
-3.79287
],
[
-113.3,
-114.406,
-2.59287
],
[
-113.3,
-114.406,
-1.39287
],
[
-113.3,
-114.406,
-0.192874
],
[
-113.3,
-114.406,
1.00713
],
[
-113.3,
-114.406,
2.20713
],
[
-113.3,
-114.406,
3.40713
],
[
-113.3,
-114.406,
4.60713
],
[
-113.3,
-114.406,
5.80713
],
[
-113.3,
-114.406,
7.00713
],
[
-113.3,
-114.406,
8.20713
],
[
-113.3,
-114.406,
9.40713
],
[
-113.3,
-114.406,
10.6071
],
[
-113.3,
-114.406,
11.8071
],
[
-113.3,
-114.406,
13.0071
],
[
-113.3,
-114.406,
14.2071
],
[
-113.3,
-114.406,
15.4071
],
[
-113.3,
-114.406,
16.6071
],
[
-113.3,
-114.406,
17.8071
],
[
-113.3,
-114.406,
19.0071
],
[
-113.3,
-114.406,
20.2071
],
[
-113.3,
-114.406,
21.4071
],
[
-113.3,
-114.406,
22.6071
],
[
-113.3,
-114.406,
23.8071
],
[
-113.3,
-114.406,
25.0071
],
[
-113.3,
-114.406,
26.2071
],
[
-113.3,
-114.406,
27.4071
],
[
-113.3,
-114.406,
28.6071
],
[
-113.3,
-114.406,
29.8071
],
[
-113.3,
-114.406,
31.0071
],
[
-113.3,
-114.406,
32.2071
],
[
-113.3,
-114.406,
33.4071
],
[
-113.3,
-114.406,
34.6071
],
[
-113.3,
-114.406,
35.8071
],
[
-113.3,
-114.406,
37.0071
],
[
-113.3,
-114.406,
38.2071
],
[
-113.3,
-114.406,
39.4071
],
[
-113.3,
-114.406,
40.6071
],
[
-113.3,
-114.406,
41.8071
],
[
-113.3,
-114.406,
43.0071
],
[
-113.3,
-114.406,
44.2071
],
[
-113.3,
-114.406,
45.4071
],
[
-113.3,
-114.406,
46.6071
],
[
-113.3,
-114.406,
47.8071
],
[
-113.3,
-114.406,
49.0071
],
[
-113.3,
-114.406,
50.2071
],
[
-113.3,
-114.406,
51.4071
],
[
-113.3,
-114.406,
52.6071
],
[
-113.3,
-114.406,
53.8071
],
[
-113.3,
-114.406,
55.0071
],
[
-113.3,
-114.406,
56.2071
],
[
-113.3,
-114.406,
57.4072
],
[
-113.3,
-114.406,
58.6072
],
[
-113.3,
-114.406,
59.8072
],
[
-113.3,
-114.406,
61.0072
],
[
-113.3,
-114.406,
62.2072
],
[
-113.3,
-114.406,
63.4072
],
[
-113.3,
-114.406,
64.6072
],
[
-113.3,
-114.406,
65.8072
],
[
-113.3,
-114.406,
67.0071
],
[
-113.3,
-114.406,
68.2071
],
[
-113.3,
-114.406,
69.4071
],
[
-113.3,
-114.406,
70.6071
],
[
-113.3,
-114.406,
71.8071
],
[
-113.3,
-114.406,
73.0071
],
[
-113.3,
-114.406,
74.2071
],
[
-113.3,
-114.406,
75.4071
],
[
-113.3,
-114.406,
76.6071
],
[
-113.3,
-114.406,
77.8071
],
[
-113.3,
-114.406,
79.0071
],
[
-113.3,
-114.406,
80.2071
],
[
-113.3,
-114.406,
81.4071
],
[
-113.3,
-114.406,
82.6071
],
[
-113.3,
-114.406,
83.8071
],
[
-113.3,
-114.406,
85.0071
],
[
-113.3,
-114.406,
86.2071
],
[
-113.3,
-114.406,
87.4071
],
[
-113.3,
-114.406,
88.6071
],
[
-113.3,
-114.406,
89.8071
],
[
-113.3,
-114.406,
91.0071
],
[
-113.3,
-114.406,
92.2071
],
[
-113.3,
-114.406,
93.4071
],
[
-113.3,
-114.406,
94.6071
],
[
-113.3,
-114.406,
95.8071
],
[
-113.3,
-114.406,
97.0071
],
[
-113.3,
-114.406,
98.2071
],
[
-113.3,
-114.406,
99.4071
]
],
"InStackPositionNumber": [
126,
125,
124,
123,
122,
121,
120,
119,
118,
117,
116,
115,
114,
113,
112,
111,
110,
109,
108,
107,
106,
105,
104,
103,
102,
101,
100,
99,
98,
97,
96,
95,
94,
93,
92,
91,
90,
89,
88,
87,
86,
85,
84,
83,
82,
81,
80,
79,
78,
77,
76,
75,
74,
73,
72,
71,
70,
69,
68,
67,
66,
65,
64,
63,
62,
61,
60,
59,
58,
57,
56,
55,
54,
53,
52,
51,
50,
49,
48,
47,
46,
45,
44,
43,
42,
41,
40,
39,
38,
37,
36,
35,
34,
33,
32,
31,
30,
29,
28,
27,
26,
25,
24,
23,
22,
21,
20,
19,
18,
17,
16,
15,
14,
13,
12,
11,
10,
9,
8,
7,
6,
5,
4,
3
],
"InstanceNumber": [
124,
123,
122,
121,
120,
119,
118,
117,
116,
115,
114,
113,
112,
111,
110,
109,
108,
107,
106,
105,
104,
103,
102,
101,
100,
99,
98,
97,
96,
95,
94,
93,
92,
91,
90,
89,
88,
87,
86,
85,
84,
83,
82,
81,
80,
79,
78,
77,
76,
75,
74,
73,
72,
71,
70,
69,
68,
67,
66,
65,
64,
63,
62,
61,
60,
59,
58,
57,
56,
55,
54,
53,
52,
51,
50,
49,
48,
47,
46,
45,
44,
43,
42,
41,
40,
39,
38,
37,
36,
35,
34,
33,
32,
31,
30,
29,
28,
27,
26,
25,
24,
23,
22,
21,
20,
19,
18,
17,
16,
15,
14,
13,
12,
11,
10,
9,
8,
7,
6,
5,
4,
3,
2,
1
],
"LargestImagePixelValue": [
546,
678,
900,
1142,
1237,
1400,
1510,
1733,
1918,
2259,
2317,
2474,
2750,
2608,
2902,
2895,
3323,
3231,
3426,
3537,
3746,
3903,
3844,
4127,
4466,
4580,
4833,
5198,
5378,
5414,
5934,
6114,
5866,
6100,
6053,
6411,
6316,
6535,
5863,
6228,
6617,
6356,
6640,
6505,
6487,
6523,
6305,
6820,
6513,
6352,
6981,
6107,
6037,
6289,
5930,
6288,
5916,
6000,
5939,
5946,
5980,
6002,
5871,
5738,
5978,
5721,
5684,
5594,
5529,
5621,
5716,
5460,
5485,
5051,
5287,
5498,
5021,
4942,
4822,
5094,
5089,
4956,
4800,
4716,
4558,
4683,
4512,
4482,
4350,
4393,
4439,
4268,
4171,
4270,
4106,
4151,
4196,
4135,
4150,
4163,
4242,
4087,
3905,
3860,
3582,
3305,
3198,
3145,
3324,
2664,
2518,
2439,
2168,
2096,
1900,
1789,
1590,
1413,
1233,
1034,
784,
218,
96,
92
],
"SliceLocation": [
-48.19289017,
-46.9928894,
-45.79288864,
-44.59288788,
-43.39288712,
-42.19288635,
-40.99288559,
-39.79288483,
-38.59288406,
-37.3928833,
-36.19288254,
-34.99288177,
-33.79288101,
-32.59288025,
-31.39288139,
-30.19288063,
-28.99287987,
-27.7928791,
-26.59287834,
-25.39287758,
-24.19287682,
-22.99287605,
-21.79287529,
-20.59287453,
-19.39287376,
-18.192873,
-16.99287224,
-15.79287243,
-14.59287262,
-13.39287281,
-12.192873,
-10.99287319,
-9.792873383,
-8.592873573,
-7.392873764,
-6.192873955,
-4.992874146,
-3.792874098,
-2.59287405,
-1.392874002,
-0.1928739548,
1.007126093,
2.207126141,
3.407126188,
4.607126236,
5.807126045,
7.007125854,
8.207125664,
9.407125473,
10.60712528,
11.80712509,
13.0071249,
14.20712471,
15.40712452,
16.60712433,
17.80712509,
19.00712585,
20.20712662,
21.40712738,
22.60712814,
23.80712891,
25.00712967,
26.20713043,
27.4071312,
28.60713196,
29.80713272,
31.00713348,
32.20713425,
33.40713501,
34.60713577,
35.80713654,
37.0071373,
38.20713806,
39.40713882,
40.60713959,
41.80714035,
43.00714111,
44.20714188,
45.40714264,
46.6071434,
47.80714417,
49.00714493,
50.20714569,
51.40714645,
52.60714722,
53.80714798,
55.00714874,
56.20714951,
57.40715027,
58.60715103,
59.80715179,
61.00715256,
62.20715332,
63.40715408,
64.60715485,
65.80715179,
67.00714874,
68.20714569,
69.40714264,
70.60713959,
71.80713654,
73.00713348,
74.20713043,
75.40712738,
76.60712433,
77.80712128,
79.00711823,
80.20711517,
81.40711212,
82.60710907,
83.80710602,
85.00710297,
86.20709991,
87.40709686,
88.60709381,
89.80709076,
91.00708771,
92.20708466,
93.4070816,
94.60707855,
95.8070755,
97.00707245,
98.2070694,
99.40706635
],
"WindowCenter": [
273.0,
339.0,
450.0,
571.0,
618.0,
700.0,
755.0,
866.0,
959.0,
1129.0,
1158.0,
1237.0,
1375.0,
1304.0,
1451.0,
1447.0,
1661.0,
1615.0,
1713.0,
1768.0,
1873.0,
1951.0,
1922.0,
2063.0,
2233.0,
2290.0,
2416.0,
2599.0,
2689.0,
2707.0,
2967.0,
3057.0,
2933.0,
3050.0,
3026.0,
3205.0,
3158.0,
3267.0,
2931.0,
3114.0,
3308.0,
3178.0,
3320.0,
3252.0,
3243.0,
3261.0,
3152.0,
3410.0,
3256.0,
3176.0,
3490.0,
3053.0,
3018.0,
3144.0,
2965.0,
3144.0,
2958.0,
3000.0,
2969.0,
2973.0,
2990.0,
3001.0,
2935.0,
2869.0,
2989.0,
2860.0,
2842.0,
2797.0,
2764.0,
2810.0,
2858.0,
2730.0,
2742.0,
2525.0,
2643.0,
2749.0,
2510.0,
2471.0,
2411.0,
2547.0,
2544.0,
2478.0,
2400.0,
2358.0,
2279.0,
2341.0,
2256.0,
2241.0,
2175.0,
2196.0,
2219.0,
2134.0,
2085.0,
2135.0,
2053.0,
2075.0,
2098.0,
2067.0,
2075.0,
2081.0,
2121.0,
2043.0,
1952.0,
1930.0,
1791.0,
1652.0,
1599.0,
1572.0,
1662.0,
1332.0,
1259.0,
1219.0,
1084.0,
1048.0,
950.0,
894.0,
795.0,
706.0,
616.0,
517.0,
392.0,
109.0,
48.0,
46.0
],
"WindowWidth": [
546.0,
678.0,
900.0,
1142.0,
1237.0,
1400.0,
1510.0,
1733.0,
1918.0,
2259.0,
2317.0,
2474.0,
2750.0,
2608.0,
2902.0,
2895.0,
3323.0,
3231.0,
3426.0,
3537.0,
3746.0,
3903.0,
3844.0,
4127.0,
4466.0,
4580.0,
4833.0,
5198.0,
5378.0,
5414.0,
5934.0,
6114.0,
5866.0,
6100.0,
6053.0,
6411.0,
6316.0,
6535.0,
5863.0,
6228.0,
6617.0,
6356.0,
6640.0,
6505.0,
6487.0,
6523.0,
6305.0,
6820.0,
6513.0,
6352.0,
6981.0,
6107.0,
6037.0,
6289.0,
5930.0,
6288.0,
5916.0,
6000.0,
5939.0,
5946.0,
5980.0,
6002.0,
5871.0,
5738.0,
5978.0,
5721.0,
5684.0,
5594.0,
5529.0,
5621.0,
5716.0,
5460.0,
5485.0,
5051.0,
5287.0,
5498.0,
5021.0,
4942.0,
4822.0,
5094.0,
5089.0,
4956.0,
4800.0,
4716.0,
4558.0,
4683.0,
4512.0,
4482.0,
4350.0,
4393.0,
4439.0,
4268.0,
4171.0,
4270.0,
4106.0,
4151.0,
4196.0,
4135.0,
4150.0,
4163.0,
4242.0,
4087.0,
3905.0,
3860.0,
3582.0,
3305.0,
3198.0,
3145.0,
3324.0,
2664.0,
2518.0,
2439.0,
2168.0,
2096.0,
1900.0,
1789.0,
1590.0,
1413.0,
1233.0,
1034.0,
784.0,
218.0,
96.0,
92.0
]
}
}
}